
type = string-attribute
name = HISTORY_NOTE
count = 363
'[glerma@vistalab-compute-1: Fri May 18 01:44:34 2018] 3dcopy /home/glerma/PROJECTS/PRF/AFNI/DATA/reallyGood_cube.nii.gz /home/glerma/PROJECTS/PRF/AFNI/DATA/reallyGood_cube+orig\n[glerma@vistalab-compute-1: Fri May 18 01:55:41 2018] 3drefit -TR 2 reallyGood_cube+orig\n[glerma@vistalab-compute-1: Fri May 18 01:55:48 2018] 3drefit -space orig reallyGood_cube+orig~

type = string-attribute
name = TYPESTRING
count = 15
'3DIM_HEAD_ANAT~

type = string-attribute
name = IDCODE_STRING
count = 27
'XYZ_EM8bH5jgx8qR5r4g4nzgbw~

type = string-attribute
name = IDCODE_DATE
count = 25
'Fri May 18 01:44:34 2018~

type = integer-attribute
name = SCENE_DATA
count = 8
 0 2 0 -999 -999
 -999 -999 -999

type = string-attribute
name = LABEL_1
count = 5
'zyxt~

type = string-attribute
name = LABEL_2
count = 5
'zyxt~

type = string-attribute
name = DATASET_NAME
count = 5
'zyxt~

type = integer-attribute
name = ORIENT_SPECIFIC
count = 3
 1 2 4

type  = float-attribute
name  = ORIGIN
count = 3
             -1             -1              1

type  = float-attribute
name  = DELTA
count = 3
             -1             -1              1

type  = float-attribute
name  = IJK_TO_DICOM
count = 12
             -1              0              0             -1              0
             -1              0             -1              0              0
              1              1

type  = float-attribute
name  = IJK_TO_DICOM_REAL
count = 12
             -1              0              0             -1              0
             -1              0             -1              0              0
              1              1

type  = float-attribute
name  = BRICK_STATS
count = 288
      -2.946688       -1.14593      -2.658137      -1.420053      -2.733685
      -1.385019      -1.498912     -0.7876367      0.3325877       1.073591
      0.4321889       1.107127      0.9054652       1.919183        1.00158
       3.712159       2.117869       5.210858       2.855705       4.654455
       2.249361        3.57225       1.672805       2.600349      0.3035288
       1.238567      -2.220139     -0.8491685      -1.745225      -1.110721
     -0.8466703     -0.3224611      -1.248882     -0.7954797      -2.895491
      -1.020871      -3.041243      -1.414986      -2.458032      -1.321867
       -2.43347      -1.328784     -0.8933293     -0.1933551      -2.014188
      -1.292296       -2.65955      -1.300051      -1.620425     -0.8592194
      -1.328802     -0.8648007     -0.1817348      0.9458005       1.123603
       1.999052       2.151219       3.836944       2.343538       4.914637
       1.487333       2.901181      0.9695708       1.875695      0.5093578
      0.9587305      0.2088926      0.7838013       -1.40841     -0.6805563
      -3.004472      -1.414552      -1.967552      -1.148151       -2.26891
     -0.7545825      -2.101622      -1.164202      -1.856426     -0.5413918
      -1.582732     -0.5809335      -1.488287     -0.7813466     -0.2277417
      0.1990013      0.5672714       1.551045      0.9019303       1.706032
       1.013889       1.598827      0.9193815       2.063864    -0.01639852
       1.794028   -0.008885249       1.231345     -0.7696725      0.1280583
       -1.40842     -0.3545245      -1.618304     -0.7644912      0.0116424
      0.4002309    -0.02174902         1.0319      0.5539424       1.494711
      0.5015934       1.693981       1.539733       2.257011       1.803735
       2.967317       1.598613       2.853835       1.308783       2.242762
      0.3530964       1.303165      0.1606976       1.273864      -1.336429
     -0.6498175      -2.084721      -1.285372      -3.304756      -1.631484
      -2.302661      -1.322536      -2.770919      -1.240148       -2.71018
      -1.502514      -1.705001      -1.103416      -1.070151     -0.3406059
      -1.375355     -0.6045346       -1.74392     -0.5802001      -2.226736
      -1.156702      -1.664523     -0.7665226     -0.4576298     0.09785075
    0.008431643      0.3837987    -0.02875409      0.2721974      0.3198597
       0.828438      0.6496966       2.171027       1.412727       3.454143
       1.893895       3.536304       2.473324       3.871834       2.533172
       4.150067       1.763359       2.856754      0.3390114       0.712317
     -0.7863483     -0.3558208      -1.629898     -0.8773118      -0.670272
     -0.4117261      -1.333849     -0.8767318      -2.336248       -1.39509
       -2.52492       -1.11082      -3.147311      -1.515141      -2.746635
      -1.501513      -3.336731      -1.687473      -3.414334      -1.981552
      -2.210385      -1.231155     -0.5506216     -0.3332978      0.7257617
        1.66938       1.311467       2.092608        1.53125       3.338126
       2.122427       4.279885       1.015193       2.902206      0.8608005
       2.138672     -0.1471523      0.2185061     -0.7146382     -0.3433228
      -1.200536     -0.5234874     -0.9599454     -0.4497997      -1.130093
     -0.4486952     -0.9026185     -0.3034075     -0.9270689     -0.1136799
     -0.4462473     0.02636397     0.06788078      0.7440411       1.260559
       1.836321        1.59869       2.284485      0.7629097        1.48836
       -0.48466    0.002425998      -0.858297    -0.08111559      -1.080384
     -0.5527372      -1.302389     -0.8532874      -1.496324     -0.5355166
      -1.728572      -1.111848      -1.918516     -0.7138074    -0.09310406
      0.8208048       0.562904      0.9428803      0.6907809        2.03254
       1.187193       3.537584       2.416479       4.303389       2.239069
       3.629081       1.805242       3.042563      0.9923165       1.680429
      -1.122496      0.1057493     -0.3675499      0.2678757      -1.478914
     -0.3862167      -1.194808     -0.6257956      -1.919753     -0.9183036
      -3.418387      -1.739331      -2.872234      -1.608668      -2.840036
      -1.702777      -2.012947      -1.182432      -1.682706      -1.000581
      -1.532631      -0.932587     -0.4628433     0.01786508     -0.1602791
     0.07485145     -0.3609411      0.1600384

type = integer-attribute
name = TAXIS_NUMS
count = 8
 144 0 77002 -999 -999
 -999 -999 -999

type  = float-attribute
name  = TAXIS_FLOATS
count = 8
              0              2              0              0              0
        -999999        -999999        -999999

type = integer-attribute
name = DATASET_RANK
count = 8
 3 144 0 0 0
 0 0 0

type = integer-attribute
name = DATASET_DIMENSIONS
count = 5
 2 2 3 0 0

type = integer-attribute
name = BRICK_TYPES
count = 144
 3 3 3 3 3
 3 3 3 3 3
 3 3 3 3 3
 3 3 3 3 3
 3 3 3 3 3
 3 3 3 3 3
 3 3 3 3 3
 3 3 3 3 3
 3 3 3 3 3
 3 3 3 3 3
 3 3 3 3 3
 3 3 3 3 3
 3 3 3 3 3
 3 3 3 3 3
 3 3 3 3 3
 3 3 3 3 3
 3 3 3 3 3
 3 3 3 3 3
 3 3 3 3 3
 3 3 3 3 3
 3 3 3 3 3
 3 3 3 3 3
 3 3 3 3 3
 3 3 3 3 3
 3 3 3 3 3
 3 3 3 3 3
 3 3 3 3 3
 3 3 3 3 3
 3 3 3 3

type  = float-attribute
name  = BRICK_FLOAT_FACS
count = 144
              0              0              0              0              0
              0              0              0              0              0
              0              0              0              0              0
              0              0              0              0              0
              0              0              0              0              0
              0              0              0              0              0
              0              0              0              0              0
              0              0              0              0              0
              0              0              0              0              0
              0              0              0              0              0
              0              0              0              0              0
              0              0              0              0              0
              0              0              0              0              0
              0              0              0              0              0
              0              0              0              0              0
              0              0              0              0              0
              0              0              0              0              0
              0              0              0              0              0
              0              0              0              0              0
              0              0              0              0              0
              0              0              0              0              0
              0              0              0              0              0
              0              0              0              0              0
              0              0              0              0              0
              0              0              0              0              0
              0              0              0              0              0
              0              0              0              0              0
              0              0              0              0              0
              0              0              0              0

type = string-attribute
name = TEMPLATE_SPACE
count = 5
'orig~

type = integer-attribute
name = INT_CMAP
count = 1
 0

type = string-attribute
name = BYTEORDER_STRING
count = 10
'LSB_FIRST~

type = string-attribute
name = BRICK_LABS
count = 610
'#0~#1~#2~#3~#4~#5~#6~#7~#8~#9~#10~#11~#12~#13~#14~#15~#16~#17~#18~#19~#20~#21~#22~#23~#24~#25~#26~#27~#28~#29~#30~#31~#32~#33~#34~#35~#36~#37~#38~#39~#40~#41~#42~#43~#44~#45~#46~#47~#48~#49~#50~#51~#52~#53~#54~#55~#56~#57~#58~#59~#60~#61~#62~#63~#64~#65~#66~#67~#68~#69~#70~#71~#72~#73~#74~#75~#76~#77~#78~#79~#80~#81~#82~#83~#84~#85~#86~#87~#88~#89~#90~#91~#92~#93~#94~#95~#96~#97~#98~#99~#100~#101~#102~#103~#104~#105~#106~#107~#108~#109~#110~#111~#112~#113~#114~#115~#116~#117~#118~#119~#120~#121~#122~#123~#124~#125~#126~#127~#128~#129~#130~#131~#132~#133~#134~#135~#136~#137~#138~#139~#140~#141~#142~#143~

type = string-attribute
name = BRICK_KEYWORDS
count = 144
'~~~~~~~~~~~~~~~~~~~~~~~~~~~~~~~~~~~~~~~~~~~~~~~~~~~~~~~~~~~~~~~~~~~~~~~~~~~~~~~~~~~~~~~~~~~~~~~~~~~~~~~~~~~~~~~~~~~~~~~~~~~~~~~~~~~~~~~~~~~~~~~~
