
type = string-attribute
name = HISTORY_NOTE
count = 735
'[glerma@vistalab-compute-1: Fri May 18 01:44:34 2018] 3dcopy /home/glerma/PROJECTS/PRF/AFNI/DATA/reallyGood_cube.nii.gz /home/glerma/PROJECTS/PRF/AFNI/DATA/reallyGood_cube+orig\n[glerma@vistalab-compute-1: Fri May 18 01:55:41 2018] 3drefit -TR 2 reallyGood_cube+orig\n[glerma@vistalab-compute-1: Fri May 18 01:55:48 2018] 3drefit -space orig reallyGood_cube+orig\n[glerma@vistalab-compute-1: Tue May 22 00:44:38 2018] 3dNLfim -input reallyGood_cube+orig -noise Zero -signal Conv_PRF -sconstr 0 -10.0 10.0 -sconstr 1 -1.0 1.0 -sconstr 2 -1.0 1.0 -sconstr 3 0.0 1.0 -BOTH -nrand 10000 -nbest 5 -bucket 0 buck_GAM.PRF -snfit snfit_GAM.PRF -TR 2 -jobs 12\n[glerma@vistalab-compute-1: Tue May 22 00:44:38 2018] Output prefix: snfit_GAM.PRF~

type = string-attribute
name = TYPESTRING
count = 15
'3DIM_HEAD_ANAT~

type = string-attribute
name = IDCODE_STRING
count = 27
'XYZ_XDtbwbg3ZJWIfTOLoCgx1g~

type = string-attribute
name = IDCODE_DATE
count = 25
'Tue May 22 00:44:38 2018~

type = integer-attribute
name = SCENE_DATA
count = 8
 0 2 0 -999 -999
 -999 -999 -999

type = string-attribute
name = LABEL_1
count = 14
'snfit_GAM.PRF~

type = string-attribute
name = LABEL_2
count = 5
'zyxt~

type = string-attribute
name = DATASET_NAME
count = 14
'snfit_GAM.PRF~

type = integer-attribute
name = ORIENT_SPECIFIC
count = 3
 1 2 4

type  = float-attribute
name  = ORIGIN
count = 3
             -1             -1              1

type  = float-attribute
name  = DELTA
count = 3
             -1             -1              1

type  = float-attribute
name  = IJK_TO_DICOM
count = 12
             -1              0              0             -1              0
             -1              0             -1              0              0
              1              1

type  = float-attribute
name  = IJK_TO_DICOM_REAL
count = 12
             -1              0              0             -1              0
             -1              0             -1              0              0
              1              1

type  = float-attribute
name  = BRICK_STATS
count = 288
      -1.719392     -0.9323976      -1.719392     -0.9323976      -1.719392
     -0.9323976      -1.658339     -0.9177868      -1.072278     -0.7189724
     -0.3948998      0.2316627      0.2403614       1.568126       1.117802
       2.752216       1.845592       3.359626       2.097198       3.196047
       1.670705        2.48545      0.9477928        1.41981    -0.05946746
      0.2727009     -0.8098456     -0.2978745      -1.333132     -0.6535591
      -1.613417     -0.8484003      -1.701128     -0.9163463      -1.718139
     -0.9309189      -1.719392     -0.9323976      -1.719392     -0.9323976
      -1.719329     -0.9323976      -1.708919     -0.9310451      -1.612958
     -0.9115502      -1.362357     -0.8204525     -0.7898098     -0.5315567
      -0.135329        0.17897      0.4363737        1.03044       1.166023
       2.045505       1.670612       2.697309       1.782236       2.872658
       1.323199       2.303153      0.6359087       1.352636    -0.03232432
      0.3302884      -1.007419     -0.5442447       -1.53775     -0.8424508
      -1.692066     -0.9190216       -1.71805     -0.9317272      -1.716713
     -0.9291861      -1.668332     -0.8833086      -1.408942     -0.7055128
     -0.9701279     -0.4163424     -0.3450401     0.06191171      0.3554114
      0.7050794       1.151479       1.721116       1.806074       2.718238
       1.855452       3.272709       1.312141       3.049848      0.5294355
        2.10513     -0.1751804      0.7429011     -0.8738839      -0.580067
      -1.497456     -0.8746768      -1.651019     -0.9063659      -1.217515
     -0.6892037     -0.2488352     0.09380618       0.475461        1.15424
       1.202377       2.189603       1.844317        3.01027       1.886237
       3.018179       1.273042       2.172604      0.6167809       1.264866
     0.03460168      0.4251978     -0.5453119     -0.3620567      -1.167266
     -0.7295835      -1.535511     -0.8797341       -1.67081     -0.9238746
      -1.713129     -0.9317957      -1.719077     -0.9323976      -1.719392
     -0.9323976      -1.719392     -0.9323976      -1.719392     -0.9323976
      -1.719392     -0.9323976      -1.719392     -0.9323976      -1.719392
     -0.9323976      -1.707484     -0.9306365      -1.571063     -0.9059454
      -1.221865     -0.8103945     -0.7354017     -0.4868043     -0.1926056
      0.5102092      0.5072868       1.794238       1.337174       2.935004
       2.013617       3.547755       2.051172       3.185309       1.616451
       2.370144       1.050002       1.589513      0.2590325      0.6640663
     -0.6382475     -0.1921513       -1.26909     -0.6457661      -1.588856
     -0.8517263      -1.695524     -0.9180211      -1.717024     -0.9310187
      -1.718319     -0.9321154      -1.710153     -0.9294493      -1.681054
     -0.9180423      -1.574128     -0.8662381      -1.309824     -0.7028474
     -0.7531657     -0.3038622      0.1344436      0.3993882       1.022193
       1.592892       1.622849       2.528772       2.015713       3.251958
       2.052659       3.791395       1.574978       3.552576      0.6721749
       2.203359     -0.2435384      0.2202678      -1.224513     -0.7499766
      -1.630139     -0.9002818      -1.640322     -0.8865827      -1.402981
     -0.7360812     -0.8800344     -0.3788914     -0.1718504      0.2123336
       0.792837       1.205112       1.603596       2.350003       2.132761
       3.235529       2.118942       3.567464       1.490036       3.002471
      0.6361942       1.886926    -0.07761844      0.6967468     -0.5312185
     -0.2361604      -1.107079     -0.7530872      -1.497522     -0.8841879
      -1.666744     -0.9235671      -1.611855     -0.8944662     -0.4883929
     -0.2982623      0.4029301       1.713709        1.17776       2.969043
       1.715647       3.359867       1.932013       3.200142       1.812657
       2.822498       1.180851       1.840078       0.326839      0.5984804
     -0.5921881     -0.1851714      -1.181392     -0.6163499       -1.49421
     -0.8191849      -1.638456     -0.8975859      -1.697738     -0.9241805
      -1.715271     -0.9310036      -1.718947     -0.9322731       -1.71937
     -0.9323931      -1.719392     -0.9323976      -1.719392     -0.9323976
      -1.719392     -0.9323976      -1.719392     -0.9323976      -1.719392
     -0.9323976      -1.719392     -0.9323976

type = integer-attribute
name = TAXIS_NUMS
count = 8
 144 0 77002 -999 -999
 -999 -999 -999

type  = float-attribute
name  = TAXIS_FLOATS
count = 8
              0              2              0              0              0
        -999999        -999999        -999999

type = integer-attribute
name = DATASET_RANK
count = 8
 3 144 0 0 0
 0 0 0

type = integer-attribute
name = DATASET_DIMENSIONS
count = 5
 2 2 3 0 0

type = integer-attribute
name = BRICK_TYPES
count = 144
 3 3 3 3 3
 3 3 3 3 3
 3 3 3 3 3
 3 3 3 3 3
 3 3 3 3 3
 3 3 3 3 3
 3 3 3 3 3
 3 3 3 3 3
 3 3 3 3 3
 3 3 3 3 3
 3 3 3 3 3
 3 3 3 3 3
 3 3 3 3 3
 3 3 3 3 3
 3 3 3 3 3
 3 3 3 3 3
 3 3 3 3 3
 3 3 3 3 3
 3 3 3 3 3
 3 3 3 3 3
 3 3 3 3 3
 3 3 3 3 3
 3 3 3 3 3
 3 3 3 3 3
 3 3 3 3 3
 3 3 3 3 3
 3 3 3 3 3
 3 3 3 3 3
 3 3 3 3

type  = float-attribute
name  = BRICK_FLOAT_FACS
count = 144
              0              0              0              0              0
              0              0              0              0              0
              0              0              0              0              0
              0              0              0              0              0
              0              0              0              0              0
              0              0              0              0              0
              0              0              0              0              0
              0              0              0              0              0
              0              0              0              0              0
              0              0              0              0              0
              0              0              0              0              0
              0              0              0              0              0
              0              0              0              0              0
              0              0              0              0              0
              0              0              0              0              0
              0              0              0              0              0
              0              0              0              0              0
              0              0              0              0              0
              0              0              0              0              0
              0              0              0              0              0
              0              0              0              0              0
              0              0              0              0              0
              0              0              0              0              0
              0              0              0              0              0
              0              0              0              0              0
              0              0              0              0              0
              0              0              0              0              0
              0              0              0              0              0
              0              0              0              0

type = string-attribute
name = BRICK_LABS
count = 610
'#0~#1~#2~#3~#4~#5~#6~#7~#8~#9~#10~#11~#12~#13~#14~#15~#16~#17~#18~#19~#20~#21~#22~#23~#24~#25~#26~#27~#28~#29~#30~#31~#32~#33~#34~#35~#36~#37~#38~#39~#40~#41~#42~#43~#44~#45~#46~#47~#48~#49~#50~#51~#52~#53~#54~#55~#56~#57~#58~#59~#60~#61~#62~#63~#64~#65~#66~#67~#68~#69~#70~#71~#72~#73~#74~#75~#76~#77~#78~#79~#80~#81~#82~#83~#84~#85~#86~#87~#88~#89~#90~#91~#92~#93~#94~#95~#96~#97~#98~#99~#100~#101~#102~#103~#104~#105~#106~#107~#108~#109~#110~#111~#112~#113~#114~#115~#116~#117~#118~#119~#120~#121~#122~#123~#124~#125~#126~#127~#128~#129~#130~#131~#132~#133~#134~#135~#136~#137~#138~#139~#140~#141~#142~#143~

type = string-attribute
name = BRICK_KEYWORDS
count = 144
'~~~~~~~~~~~~~~~~~~~~~~~~~~~~~~~~~~~~~~~~~~~~~~~~~~~~~~~~~~~~~~~~~~~~~~~~~~~~~~~~~~~~~~~~~~~~~~~~~~~~~~~~~~~~~~~~~~~~~~~~~~~~~~~~~~~~~~~~~~~~~~~~

type = string-attribute
name = TEMPLATE_SPACE
count = 5
'orig~

type = integer-attribute
name = INT_CMAP
count = 1
 0

type = string-attribute
name = BYTEORDER_STRING
count = 10
'LSB_FIRST~
