
type = string-attribute
name = HISTORY_NOTE
count = 723
'[glerma@vistalab-compute-1: Fri May 18 01:44:34 2018] 3dcopy /home/glerma/PROJECTS/PRF/AFNI/DATA/reallyGood_cube.nii.gz /home/glerma/PROJECTS/PRF/AFNI/DATA/reallyGood_cube+orig\n[glerma@vistalab-compute-1: Fri May 18 01:55:41 2018] 3drefit -TR 2 reallyGood_cube+orig\n[glerma@vistalab-compute-1: Fri May 18 01:55:48 2018] 3drefit -space orig reallyGood_cube+orig\n[glerma@vistalab-compute-1: Fri May 18 02:07:58 2018] 3dNLfim -input reallyGood_cube+orig -noise Zero -signal Conv_PRF -sconstr 0 -10.0 10.0 -sconstr 1 -1.0 1.0 -sconstr 2 -1.0 1.0 -sconstr 3 0.0 1.0 -BOTH -nrand 10000 -nbest 5 -bucket 0 buck.PRF -snfit snfit.PRF -TR 2 -jobs 12\n[glerma@vistalab-compute-1: Fri May 18 02:07:58 2018] Output prefix: snfit.PRF~

type = string-attribute
name = TYPESTRING
count = 15
'3DIM_HEAD_ANAT~

type = string-attribute
name = IDCODE_STRING
count = 27
'XYZ_gnUb2pcys4glSVlV2ov2_A~

type = string-attribute
name = IDCODE_DATE
count = 25
'Fri May 18 02:07:58 2018~

type = integer-attribute
name = SCENE_DATA
count = 8
 0 2 0 -999 -999
 -999 -999 -999

type = string-attribute
name = LABEL_1
count = 10
'snfit.PRF~

type = string-attribute
name = LABEL_2
count = 5
'zyxt~

type = string-attribute
name = DATASET_NAME
count = 10
'snfit.PRF~

type = integer-attribute
name = ORIENT_SPECIFIC
count = 3
 1 2 4

type  = float-attribute
name  = ORIGIN
count = 3
             -1             -1              1

type  = float-attribute
name  = DELTA
count = 3
             -1             -1              1

type  = float-attribute
name  = IJK_TO_DICOM
count = 12
             -1              0              0             -1              0
             -1              0             -1              0              0
              1              1

type  = float-attribute
name  = IJK_TO_DICOM_REAL
count = 12
             -1              0              0             -1              0
             -1              0             -1              0              0
              1              1

type  = float-attribute
name  = BRICK_STATS
count = 288
     -0.5388918     -0.5091093     -0.5388918     -0.5091093     -0.5388918
     -0.5091093     -0.5344198     -0.4961894     -0.4897752      -0.388307
     -0.3125644     -0.1116297      0.2131799      0.5157335      0.9578328
       1.617332       1.661699       2.560312       1.976888       2.766353
       1.552816       2.103594      0.2088528      0.9296169     -0.9400012
    -0.01819556      -1.403904      -0.714145      -1.402229      -1.035433
      -1.161367       -1.04479     -0.9411398     -0.8160524     -0.7799014
     -0.6634188      -0.653496     -0.5854755     -0.5775031      -0.551423
     -0.5475673     -0.5250759     -0.5415568      -0.514549     -0.5396516
     -0.5076805     -0.5310048      -0.457471     -0.4647713     -0.2691998
     -0.2406827     0.07320298      0.2778136      0.5441157       1.104153
       1.498564       1.602039       2.285992       1.648274       2.380637
       1.138634       1.592469    -0.05079132      0.4068135     -0.9822133
     -0.4129261      -1.305434     -0.9221047      -1.256495      -1.081492
      -1.040342     -0.9747532     -0.8362797     -0.7696091     -0.6825871
     -0.6427636     -0.5912374     -0.5474526     -0.5468577     -0.3625153
     -0.4864589    -0.07628115     -0.2663056      0.3568247      0.2458305
      0.8554786       1.189382       1.540468       1.703903       2.396001
       1.536177       2.578773      0.8418924       1.838086    -0.04436492
      0.4617371      -1.005427     -0.5956842       -1.35224      -1.048635
        -1.3229      -1.072236      -1.089263     -0.8999047     -0.7942392
     -0.5735695     -0.4218833    -0.06318368      0.1711342      0.5955173
       1.141685       1.416309       1.750289       2.363487       1.745447
       2.549503       1.058727       1.709651     0.01255606      0.3535537
     -0.9539332     -0.4655035       -1.30693     -0.8695288      -1.272687
      -1.012205      -1.067724     -0.9451813     -0.8427751     -0.7872122
     -0.6915526     -0.6527771     -0.5999978     -0.5825835     -0.5608881
      -0.539893     -0.5453629      -0.520402     -0.5408185     -0.5128593
     -0.5394378     -0.5102515     -0.5390368      -0.509432     -0.5389281
     -0.5091946     -0.5388487     -0.5082349     -0.5373363     -0.4971339
     -0.5253303     -0.4476046     -0.4680151     -0.3199483     -0.2277097
   -0.009537312      0.3959962      0.7679487        1.16651       1.892676
       1.803192       2.740773       1.929507          2.705       1.337497
       1.835183    -0.04547753      0.7645698     -0.9832275      0.0038333
      -1.331093     -0.6295698      -1.320377     -0.9948483      -1.137647
      -1.029475     -0.9550384     -0.8110273     -0.7904561     -0.6672864
     -0.6584347     -0.5914283      -0.577897     -0.5574712     -0.5496027
     -0.5254768     -0.5394258     -0.4784552      -0.515834     -0.3455279
     -0.3958131    -0.01915791     -0.0277287      0.5521814       0.719545
         1.2549        1.59541       1.991217       1.857636       2.540858
       1.613233       2.516495      0.9720495       1.795117    0.009855089
      0.4822607      -1.032124      -0.641541      -1.419242      -1.185396
      -1.377543      -1.171167      -1.111696     -0.9340021     -0.8217199
     -0.6045923     -0.5789697     -0.1755543      -0.292849      0.3374311
      0.3122595      0.9630488       1.355202       1.796087       1.995713
       2.698083       1.792875       2.824703       1.008422       2.053269
    0.004477905      0.5683142      -1.058075      -0.664062      -1.428392
      -1.058243      -1.368555      -1.077312      -1.133066     -0.9419731
     -0.8806332     -0.7830986     -0.6780601     -0.6221279     -0.3478165
     -0.2249124      0.3032376       0.598893       1.069877       1.580603
       1.601121        2.27443       1.804398       2.447244       1.486572
       2.046557      0.4469254       1.045481     -0.6419751      0.1550506
      -1.244253     -0.6154907      -1.364828      -1.027255      -1.189676
       -1.06001     -0.9626237      -0.856522       -0.79553     -0.6906936
     -0.6647178     -0.5994675      -0.584998     -0.5575297     -0.5503264
     -0.5286338     -0.5425135     -0.5161114     -0.5399532     -0.5114158
     -0.5391823     -0.5098134     -0.5389667       -0.50931     -0.5389101
     -0.5091631      -0.538896      -0.509123

type = integer-attribute
name = TAXIS_NUMS
count = 8
 144 0 77002 -999 -999
 -999 -999 -999

type  = float-attribute
name  = TAXIS_FLOATS
count = 8
              0              2              0              0              0
        -999999        -999999        -999999

type = integer-attribute
name = DATASET_RANK
count = 8
 3 144 0 0 0
 0 0 0

type = integer-attribute
name = DATASET_DIMENSIONS
count = 5
 2 2 3 0 0

type = integer-attribute
name = BRICK_TYPES
count = 144
 3 3 3 3 3
 3 3 3 3 3
 3 3 3 3 3
 3 3 3 3 3
 3 3 3 3 3
 3 3 3 3 3
 3 3 3 3 3
 3 3 3 3 3
 3 3 3 3 3
 3 3 3 3 3
 3 3 3 3 3
 3 3 3 3 3
 3 3 3 3 3
 3 3 3 3 3
 3 3 3 3 3
 3 3 3 3 3
 3 3 3 3 3
 3 3 3 3 3
 3 3 3 3 3
 3 3 3 3 3
 3 3 3 3 3
 3 3 3 3 3
 3 3 3 3 3
 3 3 3 3 3
 3 3 3 3 3
 3 3 3 3 3
 3 3 3 3 3
 3 3 3 3 3
 3 3 3 3

type  = float-attribute
name  = BRICK_FLOAT_FACS
count = 144
              0              0              0              0              0
              0              0              0              0              0
              0              0              0              0              0
              0              0              0              0              0
              0              0              0              0              0
              0              0              0              0              0
              0              0              0              0              0
              0              0              0              0              0
              0              0              0              0              0
              0              0              0              0              0
              0              0              0              0              0
              0              0              0              0              0
              0              0              0              0              0
              0              0              0              0              0
              0              0              0              0              0
              0              0              0              0              0
              0              0              0              0              0
              0              0              0              0              0
              0              0              0              0              0
              0              0              0              0              0
              0              0              0              0              0
              0              0              0              0              0
              0              0              0              0              0
              0              0              0              0              0
              0              0              0              0              0
              0              0              0              0              0
              0              0              0              0              0
              0              0              0              0              0
              0              0              0              0

type = string-attribute
name = BRICK_LABS
count = 610
'#0~#1~#2~#3~#4~#5~#6~#7~#8~#9~#10~#11~#12~#13~#14~#15~#16~#17~#18~#19~#20~#21~#22~#23~#24~#25~#26~#27~#28~#29~#30~#31~#32~#33~#34~#35~#36~#37~#38~#39~#40~#41~#42~#43~#44~#45~#46~#47~#48~#49~#50~#51~#52~#53~#54~#55~#56~#57~#58~#59~#60~#61~#62~#63~#64~#65~#66~#67~#68~#69~#70~#71~#72~#73~#74~#75~#76~#77~#78~#79~#80~#81~#82~#83~#84~#85~#86~#87~#88~#89~#90~#91~#92~#93~#94~#95~#96~#97~#98~#99~#100~#101~#102~#103~#104~#105~#106~#107~#108~#109~#110~#111~#112~#113~#114~#115~#116~#117~#118~#119~#120~#121~#122~#123~#124~#125~#126~#127~#128~#129~#130~#131~#132~#133~#134~#135~#136~#137~#138~#139~#140~#141~#142~#143~

type = string-attribute
name = BRICK_KEYWORDS
count = 144
'~~~~~~~~~~~~~~~~~~~~~~~~~~~~~~~~~~~~~~~~~~~~~~~~~~~~~~~~~~~~~~~~~~~~~~~~~~~~~~~~~~~~~~~~~~~~~~~~~~~~~~~~~~~~~~~~~~~~~~~~~~~~~~~~~~~~~~~~~~~~~~~~

type = string-attribute
name = TEMPLATE_SPACE
count = 5
'orig~

type = integer-attribute
name = INT_CMAP
count = 1
 0

type = string-attribute
name = BYTEORDER_STRING
count = 10
'LSB_FIRST~
