
type = string-attribute
name = HISTORY_NOTE
count = 717
'[glerma@vistalab-compute-1: Fri May 18 01:44:34 2018] 3dcopy /home/glerma/PROJECTS/PRF/AFNI/DATA/reallyGood_cube.nii.gz /home/glerma/PROJECTS/PRF/AFNI/DATA/reallyGood_cube+orig\n[glerma@vistalab-compute-1: Fri May 18 01:55:41 2018] 3drefit -TR 2 reallyGood_cube+orig\n[glerma@vistalab-compute-1: Fri May 18 01:55:48 2018] 3drefit -space orig reallyGood_cube+orig\n[glerma@GariMBP: Thu Jun 27 10:26:09 2019] 3dNLfim -input reallyGood_cube+orig -noise Zero -signal Conv_PRF -sconstr 0 -20.0 20.0 -sconstr 1 -16.0 16.0 -sconstr 2 -16.0 16.0 -sconstr 3 0.0 16.0 -BOTH -nrand 10000 -nbest 5 -bucket 0 buck30_2.PRF -snfit snfit30_2.PRF -TR 2 -jobs 4\n[glerma@GariMBP: Thu Jun 27 10:26:09 2019] Output prefix: snfit30_2.PRF~

type = string-attribute
name = TYPESTRING
count = 15
'3DIM_HEAD_ANAT~

type = string-attribute
name = IDCODE_STRING
count = 27
'AFN_0nnEqBX1LS2pdVGTqopB6g~

type = string-attribute
name = IDCODE_DATE
count = 25
'Thu Jun 27 10:26:09 2019~

type = integer-attribute
name = SCENE_DATA
count = 8
 0 2 0 -999 -999
 -999 -999 -999

type = string-attribute
name = LABEL_1
count = 14
'snfit30_2.PRF~

type = string-attribute
name = LABEL_2
count = 5
'zyxt~

type = string-attribute
name = DATASET_NAME
count = 14
'snfit30_2.PRF~

type = integer-attribute
name = ORIENT_SPECIFIC
count = 3
 1 2 4

type  = float-attribute
name  = ORIGIN
count = 3
             -1             -1              1

type  = float-attribute
name  = DELTA
count = 3
             -1             -1              1

type  = float-attribute
name  = IJK_TO_DICOM
count = 12
             -1              0              0             -1              0
             -1              0             -1              0              0
              1              1

type  = float-attribute
name  = IJK_TO_DICOM_REAL
count = 12
             -1              0              0             -1              0
             -1              0             -1              0              0
              1              1

type  = float-attribute
name  = BRICK_STATS
count = 288
     -0.6380889     -0.5632395     -0.6380889     -0.5632395     -0.6380889
     -0.5632395     -0.5981138      -0.526958     -0.2985235     -0.2510993
       0.212974       0.260369      0.6965644       0.802668       1.046576
       1.178553       1.203995       1.331906       1.162324       1.270184
      0.9588296       1.046816      0.6636195       0.734741      0.2837814
       0.343555     -0.1381438    -0.02841305     -0.6441078     -0.4990811
      -1.050425     -0.9508573      -1.156715      -1.046543      -1.094688
      -0.943381     -0.9334617     -0.7909068     -0.7919822     -0.6754998
     -0.7059063     -0.6105492      -0.660889      -0.580791     -0.5973598
     -0.5488003     -0.4608574     -0.2282566    -0.03565801      0.3414955
      0.5513133      0.8385345      0.9404401       1.062153       1.058394
       1.097205      0.9916859       1.085985      0.8694421      0.9830347
       0.616789       0.743856      0.3121058      0.4535134     -0.1005225
     0.03859273     -0.6629394     -0.5442582      -1.084545     -0.9815297
      -1.172287      -1.084145       -1.04412     -0.9647075     -0.8587889
      -0.793273      -0.639611     -0.5796119     -0.2178249    -0.04547482
      0.3340545      0.5236148      0.7574819      0.8752821      0.8682591
      0.9488845      0.8948687      0.9772242      0.9428945       1.032901
      0.9203156       1.017456      0.7487959      0.8461644      0.4154778
      0.4954531     -0.1080379    -0.05992378     -0.7558361     -0.6721908
      -1.161485      -1.038146      -1.159367      -1.030687     -0.6849306
     -0.5577862     0.08142407      0.2094273      0.7207121      0.8361719
       1.054032       1.131602       1.195532       1.238792       1.088597
       1.146502      0.7463673      0.8133186      0.4227879      0.5112646
      0.1084456      0.3090612     -0.3545168    0.004559056     -0.8241603
     -0.5322357      -1.075439     -0.9985945      -1.176191      -1.003471
      -1.057685     -0.8531015     -0.8856083     -0.7160388     -0.7577699
     -0.6311682     -0.6876429     -0.5895565     -0.6561747     -0.5723357
     -0.6440312     -0.5660951     -0.6398752     -0.5640652     -0.6385864
     -0.5634619     -0.6260006     -0.5571019      -0.518034     -0.4914038
     -0.3093122      -0.200404    -0.01494471      0.1753721      0.3560632
      0.5715507      0.7664899      0.9751918       1.128647       1.306814
       1.350217       1.463271       1.259485       1.312591      0.8633554
      0.9494267      0.4764576      0.6179893      0.1281347      0.2823609
     -0.2692322     -0.1290557     -0.6990692     -0.5863654       -1.01808
      -0.931586      -1.139411      -1.035638      -1.052984     -0.9456736
     -0.8945695     -0.8017479     -0.7395026     -0.6789114     -0.5875984
     -0.5790229      -0.432136     -0.3473447     -0.1690515    0.006819197
      0.2386436      0.4909273      0.7269346       1.013755       1.180033
       1.430631       1.430807       1.571312       1.471087       1.494484
       1.273452       1.387671      0.9223228       1.094287      0.2638064
      0.4439889     -0.6034368     -0.4495159      -1.218877      -1.100977
      -1.342822      -1.253586      -1.055224     -0.9837412     -0.5320132
     -0.4547564     0.06511606      0.1486153      0.5465121      0.6364172
       0.894357      0.9695981       1.192091       1.248691       1.330076
       1.415028       1.217491       1.373066       0.813781       1.017817
      0.2765336      0.4773555     -0.2150316    -0.04201703     -0.5687817
     -0.4260336      -0.813652     -0.7441967      -1.010051     -0.9410809
      -1.066056     -0.9282752     -0.9261135     -0.7732711     -0.3750709
     -0.2341836      0.5297984      0.6507691       1.243685       1.332572
       1.540632       1.574752       1.484983       1.542704       1.256445
       1.440764      0.8299188       1.110971      0.2438853      0.5386905
     -0.3277095      -0.100386     -0.7495581     -0.6249116     -0.9617188
     -0.9300112      -1.047976     -0.9848167       -1.03768     -0.9036686
     -0.9484242     -0.7875119     -0.8370329     -0.6878856     -0.7459204
     -0.6230208     -0.6885428      -0.588434      -0.658846     -0.5727175
     -0.6457211     -0.5664667     -0.6406332     -0.5642464     -0.6388676
     -0.5635304       -0.63831      -0.563318

type = integer-attribute
name = TAXIS_NUMS
count = 8
 144 0 77002 -999 -999
 -999 -999 -999

type  = float-attribute
name  = TAXIS_FLOATS
count = 8
              0              2              0              0              0
        -999999        -999999        -999999

type = integer-attribute
name = DATASET_RANK
count = 8
 3 144 0 0 0
 0 0 0

type = integer-attribute
name = DATASET_DIMENSIONS
count = 5
 2 2 3 0 0

type = integer-attribute
name = BRICK_TYPES
count = 144
 3 3 3 3 3
 3 3 3 3 3
 3 3 3 3 3
 3 3 3 3 3
 3 3 3 3 3
 3 3 3 3 3
 3 3 3 3 3
 3 3 3 3 3
 3 3 3 3 3
 3 3 3 3 3
 3 3 3 3 3
 3 3 3 3 3
 3 3 3 3 3
 3 3 3 3 3
 3 3 3 3 3
 3 3 3 3 3
 3 3 3 3 3
 3 3 3 3 3
 3 3 3 3 3
 3 3 3 3 3
 3 3 3 3 3
 3 3 3 3 3
 3 3 3 3 3
 3 3 3 3 3
 3 3 3 3 3
 3 3 3 3 3
 3 3 3 3 3
 3 3 3 3 3
 3 3 3 3

type  = float-attribute
name  = BRICK_FLOAT_FACS
count = 144
              0              0              0              0              0
              0              0              0              0              0
              0              0              0              0              0
              0              0              0              0              0
              0              0              0              0              0
              0              0              0              0              0
              0              0              0              0              0
              0              0              0              0              0
              0              0              0              0              0
              0              0              0              0              0
              0              0              0              0              0
              0              0              0              0              0
              0              0              0              0              0
              0              0              0              0              0
              0              0              0              0              0
              0              0              0              0              0
              0              0              0              0              0
              0              0              0              0              0
              0              0              0              0              0
              0              0              0              0              0
              0              0              0              0              0
              0              0              0              0              0
              0              0              0              0              0
              0              0              0              0              0
              0              0              0              0              0
              0              0              0              0              0
              0              0              0              0              0
              0              0              0              0              0
              0              0              0              0

type = string-attribute
name = BRICK_LABS
count = 610
'#0~#1~#2~#3~#4~#5~#6~#7~#8~#9~#10~#11~#12~#13~#14~#15~#16~#17~#18~#19~#20~#21~#22~#23~#24~#25~#26~#27~#28~#29~#30~#31~#32~#33~#34~#35~#36~#37~#38~#39~#40~#41~#42~#43~#44~#45~#46~#47~#48~#49~#50~#51~#52~#53~#54~#55~#56~#57~#58~#59~#60~#61~#62~#63~#64~#65~#66~#67~#68~#69~#70~#71~#72~#73~#74~#75~#76~#77~#78~#79~#80~#81~#82~#83~#84~#85~#86~#87~#88~#89~#90~#91~#92~#93~#94~#95~#96~#97~#98~#99~#100~#101~#102~#103~#104~#105~#106~#107~#108~#109~#110~#111~#112~#113~#114~#115~#116~#117~#118~#119~#120~#121~#122~#123~#124~#125~#126~#127~#128~#129~#130~#131~#132~#133~#134~#135~#136~#137~#138~#139~#140~#141~#142~#143~

type = string-attribute
name = BRICK_KEYWORDS
count = 144
'~~~~~~~~~~~~~~~~~~~~~~~~~~~~~~~~~~~~~~~~~~~~~~~~~~~~~~~~~~~~~~~~~~~~~~~~~~~~~~~~~~~~~~~~~~~~~~~~~~~~~~~~~~~~~~~~~~~~~~~~~~~~~~~~~~~~~~~~~~~~~~~~

type = string-attribute
name = TEMPLATE_SPACE
count = 5
'orig~

type = integer-attribute
name = INT_CMAP
count = 1
 0

type = string-attribute
name = BYTEORDER_STRING
count = 10
'LSB_FIRST~
