
type = string-attribute
name = HISTORY_NOTE
count = 734
'[glerma@vistalab-compute-1: Fri May 18 01:44:34 2018] 3dcopy /home/glerma/PROJECTS/PRF/AFNI/DATA/reallyGood_cube.nii.gz /home/glerma/PROJECTS/PRF/AFNI/DATA/reallyGood_cube+orig\n[glerma@vistalab-compute-1: Fri May 18 01:55:41 2018] 3drefit -TR 2 reallyGood_cube+orig\n[glerma@vistalab-compute-1: Fri May 18 01:55:48 2018] 3drefit -space orig reallyGood_cube+orig\n[glerma@vistalab-compute-1: Mon May 21 12:45:47 2018] 3dNLfim -input reallyGood_cube+orig -noise Zero -signal Conv_PRF -sconstr 0 -20.0 20.0 -sconstr 1 -16.0 16.0 -sconstr 2 -16.0 16.0 -sconstr 3 0.0 16.0 -BOTH -nrand 10000 -nbest 5 -bucket 0 buck30.PRF -snfit snfit30.PRF -TR 2 -jobs 12\n[glerma@vistalab-compute-1: Mon May 21 12:45:47 2018] Output prefix: snfit30.PRF~

type = string-attribute
name = TYPESTRING
count = 15
'3DIM_HEAD_ANAT~

type = string-attribute
name = IDCODE_STRING
count = 27
'XYZ_obezim9MnEluqi4eCjNJCQ~

type = string-attribute
name = IDCODE_DATE
count = 25
'Mon May 21 12:45:47 2018~

type = integer-attribute
name = SCENE_DATA
count = 8
 0 2 0 -999 -999
 -999 -999 -999

type = string-attribute
name = LABEL_1
count = 12
'snfit30.PRF~

type = string-attribute
name = LABEL_2
count = 5
'zyxt~

type = string-attribute
name = DATASET_NAME
count = 12
'snfit30.PRF~

type = integer-attribute
name = ORIENT_SPECIFIC
count = 3
 1 2 4

type  = float-attribute
name  = ORIGIN
count = 3
             -1             -1              1

type  = float-attribute
name  = DELTA
count = 3
             -1             -1              1

type  = float-attribute
name  = IJK_TO_DICOM
count = 12
             -1              0              0             -1              0
             -1              0             -1              0              0
              1              1

type  = float-attribute
name  = IJK_TO_DICOM_REAL
count = 12
             -1              0              0             -1              0
             -1              0             -1              0              0
              1              1

type  = float-attribute
name  = BRICK_STATS
count = 288
     -0.6380862     -0.5632378     -0.6380862     -0.5632378     -0.6380862
     -0.5632378     -0.5981113     -0.5269564     -0.2985223     -0.2510993
      0.2129734       0.260369      0.6965623       0.802668       1.046573
       1.178553       1.203991       1.331906        1.16232       1.270184
      0.9588267       1.046812      0.6636175      0.7347379      0.2837814
      0.3435535     -0.1381438    -0.02841293     -0.6441078      -0.499079
      -1.050425     -0.9508545      -1.156715       -1.04654      -1.094683
     -0.9433782     -0.9334577     -0.7909068     -0.7919789     -0.6754978
     -0.7059034     -0.6105474     -0.6608862     -0.5807893     -0.5973598
     -0.5488003     -0.4608561     -0.2282566     -0.0356579      0.3414955
      0.5513117       0.838531      0.9404373       1.062149       1.058394
       1.097205      0.9916859       1.085981      0.8694421      0.9830317
       0.616789      0.7438537      0.3121058       0.453512     -0.1005225
     0.03859261     -0.6629366     -0.5442566      -1.084541     -0.9815268
      -1.172282      -1.084141      -1.044115     -0.9647046     -0.8587853
     -0.7932706      -0.639611     -0.5796095     -0.2178249    -0.04547463
      0.3340545      0.5236126      0.7574819      0.8752784      0.8682566
      0.9488845       0.894866      0.9772242      0.9428918       1.032901
      0.9203129       1.017456      0.7487937      0.8461644      0.4154766
      0.4954531     -0.1080374    -0.05992378     -0.7558329     -0.6721888
       -1.16148      -1.038143      -1.159362      -1.030684     -0.6849306
     -0.5577845     0.08142407      0.2094267      0.7207121      0.8361694
       1.054032       1.131598       1.195532       1.238787       1.088597
       1.146497      0.7463651      0.8133152      0.4227867      0.5112625
      0.1084452      0.3090612     -0.3545157    0.004559056     -0.8241578
     -0.5322357      -1.075439     -0.9985945      -1.176186      -1.003468
       -1.05768      -0.853099     -0.8856046     -0.7160366     -0.7577667
     -0.6311663     -0.6876401     -0.5895547     -0.6561719      -0.572334
     -0.6440284     -0.5660934     -0.6398725     -0.5640635     -0.6385838
     -0.5634602      -0.625998     -0.5571002     -0.5180318     -0.4914038
     -0.3093113      -0.200404    -0.01494467      0.1753721      0.3560621
      0.5715507      0.7664876      0.9751918       1.128644       1.306814
       1.350212       1.463265       1.259485       1.312585      0.8633554
      0.9494239      0.4764576      0.6179875      0.1281347        0.28236
     -0.2692322     -0.1290553     -0.6990692     -0.5863637      -1.018076
     -0.9315832      -1.139406      -1.035635       -1.05298     -0.9456736
     -0.8945658     -0.8017479     -0.7394995     -0.6789094     -0.5875984
     -0.5790229     -0.4321347     -0.3473432      -0.169051    0.006819169
      0.2386429      0.4909253      0.7269325        1.01375       1.180029
       1.430625       1.430803       1.571305        1.47108       1.494438
       1.273447       1.387667      0.9223189       1.094283      0.2638053
      0.4439876     -0.6034343     -0.4495146      -1.218871      -1.100973
      -1.342816      -1.253582      -1.055224     -0.9837383     -0.5320132
      -0.454755     0.06511606      0.1486148      0.5465121      0.6364145
       0.894357      0.9695939       1.192091       1.248685       1.330072
       1.415022       1.217487       1.373066      0.8137786       1.017817
      0.2765328      0.4773555     -0.2150309    -0.04201703       -0.56878
     -0.4260336     -0.8136496     -0.7441967      -1.010047     -0.9410782
      -1.066052     -0.9282724     -0.9261096     -0.7732689     -0.3750694
     -0.2341829      0.5297962      0.6507672        1.24368       1.332568
       1.540626       1.574752       1.484979       1.542698       1.256441
       1.440758      0.8299164       1.110966      0.2438846      0.5386882
     -0.3277085     -0.1003856     -0.7495559      -0.624909     -0.9617188
     -0.9300072      -1.047972     -0.9848138      -1.037676      -0.903666
     -0.9484202     -0.7875096     -0.8370294     -0.6878836     -0.7459173
     -0.6230189       -0.68854     -0.5884323     -0.6588433     -0.5727158
     -0.6457184     -0.5664651     -0.6406305     -0.5642447     -0.6388649
     -0.5635287     -0.6383073     -0.5633163

type = integer-attribute
name = TAXIS_NUMS
count = 8
 144 0 77002 -999 -999
 -999 -999 -999

type  = float-attribute
name  = TAXIS_FLOATS
count = 8
              0              2              0              0              0
        -999999        -999999        -999999

type = integer-attribute
name = DATASET_RANK
count = 8
 3 144 0 0 0
 0 0 0

type = integer-attribute
name = DATASET_DIMENSIONS
count = 5
 2 2 3 0 0

type = integer-attribute
name = BRICK_TYPES
count = 144
 3 3 3 3 3
 3 3 3 3 3
 3 3 3 3 3
 3 3 3 3 3
 3 3 3 3 3
 3 3 3 3 3
 3 3 3 3 3
 3 3 3 3 3
 3 3 3 3 3
 3 3 3 3 3
 3 3 3 3 3
 3 3 3 3 3
 3 3 3 3 3
 3 3 3 3 3
 3 3 3 3 3
 3 3 3 3 3
 3 3 3 3 3
 3 3 3 3 3
 3 3 3 3 3
 3 3 3 3 3
 3 3 3 3 3
 3 3 3 3 3
 3 3 3 3 3
 3 3 3 3 3
 3 3 3 3 3
 3 3 3 3 3
 3 3 3 3 3
 3 3 3 3 3
 3 3 3 3

type  = float-attribute
name  = BRICK_FLOAT_FACS
count = 144
              0              0              0              0              0
              0              0              0              0              0
              0              0              0              0              0
              0              0              0              0              0
              0              0              0              0              0
              0              0              0              0              0
              0              0              0              0              0
              0              0              0              0              0
              0              0              0              0              0
              0              0              0              0              0
              0              0              0              0              0
              0              0              0              0              0
              0              0              0              0              0
              0              0              0              0              0
              0              0              0              0              0
              0              0              0              0              0
              0              0              0              0              0
              0              0              0              0              0
              0              0              0              0              0
              0              0              0              0              0
              0              0              0              0              0
              0              0              0              0              0
              0              0              0              0              0
              0              0              0              0              0
              0              0              0              0              0
              0              0              0              0              0
              0              0              0              0              0
              0              0              0              0              0
              0              0              0              0

type = string-attribute
name = BRICK_LABS
count = 610
'#0~#1~#2~#3~#4~#5~#6~#7~#8~#9~#10~#11~#12~#13~#14~#15~#16~#17~#18~#19~#20~#21~#22~#23~#24~#25~#26~#27~#28~#29~#30~#31~#32~#33~#34~#35~#36~#37~#38~#39~#40~#41~#42~#43~#44~#45~#46~#47~#48~#49~#50~#51~#52~#53~#54~#55~#56~#57~#58~#59~#60~#61~#62~#63~#64~#65~#66~#67~#68~#69~#70~#71~#72~#73~#74~#75~#76~#77~#78~#79~#80~#81~#82~#83~#84~#85~#86~#87~#88~#89~#90~#91~#92~#93~#94~#95~#96~#97~#98~#99~#100~#101~#102~#103~#104~#105~#106~#107~#108~#109~#110~#111~#112~#113~#114~#115~#116~#117~#118~#119~#120~#121~#122~#123~#124~#125~#126~#127~#128~#129~#130~#131~#132~#133~#134~#135~#136~#137~#138~#139~#140~#141~#142~#143~

type = string-attribute
name = BRICK_KEYWORDS
count = 144
'~~~~~~~~~~~~~~~~~~~~~~~~~~~~~~~~~~~~~~~~~~~~~~~~~~~~~~~~~~~~~~~~~~~~~~~~~~~~~~~~~~~~~~~~~~~~~~~~~~~~~~~~~~~~~~~~~~~~~~~~~~~~~~~~~~~~~~~~~~~~~~~~

type = string-attribute
name = TEMPLATE_SPACE
count = 5
'orig~

type = integer-attribute
name = INT_CMAP
count = 1
 0

type = string-attribute
name = BYTEORDER_STRING
count = 10
'LSB_FIRST~
