
type = string-attribute
name = HISTORY_NOTE
count = 777
'[glerma@vistalab-compute-1: Wed May 23 15:53:04 2018] 3dcopy /home/glerma/PROJECTS/PRF/AFNI/DATA/Wang_cube.nii.gz /home/glerma/PROJECTS/PRF/AFNI/DATA/Wang_cube+orig\n[glerma@vistalab-compute-1: Wed May 23 16:00:01 2018] 3drefit -TR 2 Wang_cube+orig\n[glerma@vistalab-compute-1: Wed May 23 16:00:17 2018] 3drefit -space orig Wang_cube+orig\n[glerma@vistalab-compute-1: Wed Jun  6 11:33:46 2018] 3dNLfim -input Wang_cube+orig -noise Zero -signal Conv_PRF_6 -sconstr 0 -10.0 10.0 -sconstr 1 -1.0 1.0 -sconstr 2 -1.0 1.0 -sconstr 3 0.0 1.0 -sconstr 4 1.0 4.0 -sconstr 5 -1.571 1.570 -BOTH -nrand 10000 -nbest 5 -bucket 0 buck_Wang_6nogrid.PRF -snfit snfit_Wang_6nogrid.PRF -TR 2 -jobs 10\n[glerma@vistalab-compute-1: Wed Jun  6 11:33:46 2018] Output prefix: snfit_Wang_6nogrid.PRF~

type = string-attribute
name = TYPESTRING
count = 15
'3DIM_HEAD_ANAT~

type = string-attribute
name = IDCODE_STRING
count = 27
'XYZ_K6R0dJGWCdquXIOnYA4POw~

type = string-attribute
name = IDCODE_DATE
count = 25
'Wed Jun  6 11:33:46 2018~

type = integer-attribute
name = SCENE_DATA
count = 8
 0 2 0 -999 -999
 -999 -999 -999

type = string-attribute
name = LABEL_1
count = 23
'snfit_Wang_6nogrid.PRF~

type = string-attribute
name = LABEL_2
count = 5
'zyxt~

type = string-attribute
name = DATASET_NAME
count = 23
'snfit_Wang_6nogrid.PRF~

type = integer-attribute
name = ORIENT_SPECIFIC
count = 3
 1 2 4

type  = float-attribute
name  = ORIGIN
count = 3
             -1             -1              1

type  = float-attribute
name  = DELTA
count = 3
             -1             -1              1

type  = float-attribute
name  = IJK_TO_DICOM
count = 12
             -1              0              0             -1              0
             -1              0             -1              0              0
              1              1

type  = float-attribute
name  = IJK_TO_DICOM_REAL
count = 12
             -1              0              0             -1              0
             -1              0             -1              0              0
              1              1

type  = float-attribute
name  = BRICK_STATS
count = 288
     -0.5343433    -0.04030918     -0.5343433    -0.04030918     -0.5343433
    -0.04030918     -0.5297031    -0.04030918     -0.4899421      0.8137811
     -0.4887098       1.746311     -0.4268634       1.935396     -0.1745163
       2.255993     -0.4990562        2.47094     -0.7882524       3.241385
      -0.884145       3.679222      -1.031263       2.003638     -0.8411532
       1.139186      -1.508047      0.1155262      -1.661219    -0.09169438
       -1.30976    -0.07182097     -0.9305239     -0.0546931     -0.7004491
    -0.04589722     -0.6044505    -0.04222399     -0.5607933    -0.04090184
     -0.5434017    -0.04047773     -0.5371937     -0.0403538     -0.5351757
    0.006237691     -0.5345708      0.1647769      -0.534402      0.7800006
     -0.5341192       1.330839     -0.5142153       1.779391     -0.3221303
       1.983664     -0.1603283       2.264376     -0.5209987       2.844468
      -0.815996       3.217531     -0.9033867       2.671196      -1.182291
      0.8057155      -1.252459      0.1551802      -1.538617    -0.04281665
      -1.463294     -0.0410704      -1.129165    -0.04052236     -0.8381174
    -0.04036491     -0.6623963    -0.04032291     -0.5570134    0.001177291
     -0.4511655     0.09144904     -0.3334182      0.7432033     -0.3318913
       1.554049     -0.2954926       2.630153     -0.2341673       3.180144
      -0.523066       2.479496     -0.6357458       2.176294      -1.293814
       2.332237       -1.50438       2.091835      -1.360511       1.203612
      -1.294671     0.07450528      -1.061584    -0.05320816     -0.9448743
    -0.03824819     -0.7137067      0.4703833     -0.4944819       2.106256
     -0.3261423       3.232938     -0.1630567       2.684217     -0.1998102
       2.690831     -0.9638455       2.150891      -1.569683       1.746187
      -1.468351       1.428863      -1.194358       0.991254      -1.135326
      0.2326197      -1.130023    -0.08010123     -0.9412941      -0.099306
     -0.7457912    -0.07262902     -0.6127737    -0.05892928     -0.5443713
    -0.05150563     -0.5346867    -0.04712719      -0.534429    -0.04281665
     -0.5343636     -0.0410704     -0.5343479    -0.04052236     -0.5343443
    -0.04036491     -0.5343435    -0.04032291     -0.5343333      0.3039327
     -0.5341259       1.278268     -0.5298293       1.877774     -0.4892495
       1.810308     -0.2936903       2.148613     -0.3812248       1.591606
     -0.6709465       2.615535     -0.7961114       2.676738      -1.028343
       2.714566     -0.9279349       2.044578      -0.946214       1.104873
      -1.303884    0.006974541      -1.264152    -0.06028113      -1.386377
    -0.04781202      -1.178642    -0.04281665     -0.9140458     -0.0410704
     -0.7209265    -0.04052236     -0.6136409    -0.04036491     -0.5642065
    -0.04032291     -0.5444901    -0.03739573     -0.5374236     0.06556181
     -0.5322312      0.2536206     -0.4920065       1.079373     -0.2927552
       2.617108     -0.1173896       3.295785     -0.1603283       2.364599
     -0.2471288       3.373023      -0.923835       3.491304      -1.461275
       2.033577      -1.367736      0.8526195      -1.519165      0.2274515
      -1.699308    -0.04781202      -1.389345    -0.04281665     -0.9075053
    -0.02411769     -0.4477308     0.08344277     -0.3473706      0.8254022
     -0.3364338       1.774133     -0.3155585       2.748658     -0.2622268
        2.73979     -0.1729904       2.824762     -0.7595596       1.806729
      -1.121361       1.822664      -1.478292       1.883251      -1.392546
       1.817661      -1.268331       1.531069     -0.9843669      0.4493044
     -0.9745043    -0.07791245     -0.9233705    -0.05723255     -0.7537819
      0.4788128     -0.4693646        1.49066      -0.292422       3.005321
     -0.0856477       3.395203     -0.2986739        2.26318     -0.4164814
       3.118787      -1.164979       2.985223      -1.565443       1.321419
      -1.423181      0.3685458      -1.445006     0.04600972      -1.500172
     -0.1266397      -1.178875     -0.1209121     -0.8559347      -0.099306
     -0.6524712    -0.07262902     -0.5526556    -0.05892928     -0.5358635
    -0.04781202     -0.5347557    -0.04281665     -0.5344486     -0.0410704
     -0.5343688    -0.04052236     -0.5343492    -0.04036491     -0.5343446
    -0.04032291     -0.5343436    -0.04031239

type = integer-attribute
name = TAXIS_NUMS
count = 8
 144 0 77002 -999 -999
 -999 -999 -999

type  = float-attribute
name  = TAXIS_FLOATS
count = 8
              0              2              0              0              0
        -999999        -999999        -999999

type = integer-attribute
name = DATASET_RANK
count = 8
 3 144 0 0 0
 0 0 0

type = integer-attribute
name = DATASET_DIMENSIONS
count = 5
 10 10 5 0 0

type = integer-attribute
name = BRICK_TYPES
count = 144
 3 3 3 3 3
 3 3 3 3 3
 3 3 3 3 3
 3 3 3 3 3
 3 3 3 3 3
 3 3 3 3 3
 3 3 3 3 3
 3 3 3 3 3
 3 3 3 3 3
 3 3 3 3 3
 3 3 3 3 3
 3 3 3 3 3
 3 3 3 3 3
 3 3 3 3 3
 3 3 3 3 3
 3 3 3 3 3
 3 3 3 3 3
 3 3 3 3 3
 3 3 3 3 3
 3 3 3 3 3
 3 3 3 3 3
 3 3 3 3 3
 3 3 3 3 3
 3 3 3 3 3
 3 3 3 3 3
 3 3 3 3 3
 3 3 3 3 3
 3 3 3 3 3
 3 3 3 3

type  = float-attribute
name  = BRICK_FLOAT_FACS
count = 144
              0              0              0              0              0
              0              0              0              0              0
              0              0              0              0              0
              0              0              0              0              0
              0              0              0              0              0
              0              0              0              0              0
              0              0              0              0              0
              0              0              0              0              0
              0              0              0              0              0
              0              0              0              0              0
              0              0              0              0              0
              0              0              0              0              0
              0              0              0              0              0
              0              0              0              0              0
              0              0              0              0              0
              0              0              0              0              0
              0              0              0              0              0
              0              0              0              0              0
              0              0              0              0              0
              0              0              0              0              0
              0              0              0              0              0
              0              0              0              0              0
              0              0              0              0              0
              0              0              0              0              0
              0              0              0              0              0
              0              0              0              0              0
              0              0              0              0              0
              0              0              0              0              0
              0              0              0              0

type = string-attribute
name = BRICK_LABS
count = 610
'#0~#1~#2~#3~#4~#5~#6~#7~#8~#9~#10~#11~#12~#13~#14~#15~#16~#17~#18~#19~#20~#21~#22~#23~#24~#25~#26~#27~#28~#29~#30~#31~#32~#33~#34~#35~#36~#37~#38~#39~#40~#41~#42~#43~#44~#45~#46~#47~#48~#49~#50~#51~#52~#53~#54~#55~#56~#57~#58~#59~#60~#61~#62~#63~#64~#65~#66~#67~#68~#69~#70~#71~#72~#73~#74~#75~#76~#77~#78~#79~#80~#81~#82~#83~#84~#85~#86~#87~#88~#89~#90~#91~#92~#93~#94~#95~#96~#97~#98~#99~#100~#101~#102~#103~#104~#105~#106~#107~#108~#109~#110~#111~#112~#113~#114~#115~#116~#117~#118~#119~#120~#121~#122~#123~#124~#125~#126~#127~#128~#129~#130~#131~#132~#133~#134~#135~#136~#137~#138~#139~#140~#141~#142~#143~

type = string-attribute
name = BRICK_KEYWORDS
count = 144
'~~~~~~~~~~~~~~~~~~~~~~~~~~~~~~~~~~~~~~~~~~~~~~~~~~~~~~~~~~~~~~~~~~~~~~~~~~~~~~~~~~~~~~~~~~~~~~~~~~~~~~~~~~~~~~~~~~~~~~~~~~~~~~~~~~~~~~~~~~~~~~~~

type = string-attribute
name = TEMPLATE_SPACE
count = 5
'orig~

type = integer-attribute
name = INT_CMAP
count = 1
 0

type = string-attribute
name = BYTEORDER_STRING
count = 10
'LSB_FIRST~
