
type = string-attribute
name = HISTORY_NOTE
count = 759
'[glerma@vistalab-compute-1: Wed May 23 15:53:04 2018] 3dcopy /home/glerma/PROJECTS/PRF/AFNI/DATA/Wang_cube.nii.gz /home/glerma/PROJECTS/PRF/AFNI/DATA/Wang_cube+orig\n[glerma@vistalab-compute-1: Wed May 23 16:00:01 2018] 3drefit -TR 2 Wang_cube+orig\n[glerma@vistalab-compute-1: Wed May 23 16:00:17 2018] 3drefit -space orig Wang_cube+orig\n[glerma@vistalab-compute-1: Fri Jun  1 03:50:30 2018] 3dNLfim -input Wang_cube+orig -noise Zero -signal Conv_PRF_6 -sconstr 0 -10.0 10.0 -sconstr 1 -1.0 1.0 -sconstr 2 -1.0 1.0 -sconstr 3 0.0 1.0 -sconstr 4 1.0 4.0 -sconstr 5 -1.571 1.570 -BOTH -nrand 10000 -nbest 5 -bucket 0 buck_Wang_6.PRF -snfit snfit_Wang_6.PRF -TR 2 -jobs 10\n[glerma@vistalab-compute-1: Fri Jun  1 03:50:30 2018] Output prefix: snfit_Wang_6.PRF~

type = string-attribute
name = TYPESTRING
count = 15
'3DIM_HEAD_ANAT~

type = string-attribute
name = IDCODE_STRING
count = 27
'XYZ_5MIJ7y4RYSvCGhkWgx0u7Q~

type = string-attribute
name = IDCODE_DATE
count = 25
'Fri Jun  1 03:50:30 2018~

type = integer-attribute
name = SCENE_DATA
count = 8
 0 2 0 -999 -999
 -999 -999 -999

type = string-attribute
name = LABEL_1
count = 17
'snfit_Wang_6.PRF~

type = string-attribute
name = LABEL_2
count = 5
'zyxt~

type = string-attribute
name = DATASET_NAME
count = 17
'snfit_Wang_6.PRF~

type = integer-attribute
name = ORIENT_SPECIFIC
count = 3
 1 2 4

type  = float-attribute
name  = ORIGIN
count = 3
             -1             -1              1

type  = float-attribute
name  = DELTA
count = 3
             -1             -1              1

type  = float-attribute
name  = IJK_TO_DICOM
count = 12
             -1              0              0             -1              0
             -1              0             -1              0              0
              1              1

type  = float-attribute
name  = IJK_TO_DICOM_REAL
count = 12
             -1              0              0             -1              0
             -1              0             -1              0              0
              1              1

type  = float-attribute
name  = BRICK_STATS
count = 288
     -0.5177519              0     -0.5177519              0     -0.5177519
              0     -0.5158404              0     -0.4911985      0.6459459
     -0.4623882       1.576501      -0.364442       1.831396     -0.1762364
       1.753119     -0.3495795       2.775123     -0.6855552       3.042712
     -0.8359959       3.085874     -0.8790103       1.763682      -1.076247
      0.6892931      -1.521516      0.2398244      -1.493066              0
      -1.229908              0     -0.9556245              0     -0.7848551
              0     -0.6445155              0     -0.5583677              0
     -0.5221678              0     -0.5190098              0     -0.5180867
     0.03759492     -0.5178359      0.1380767     -0.5177719      0.7491061
     -0.5142803       1.375332     -0.4498102       1.791969     -0.1103895
       2.376989    -0.07760233        2.52503      -0.536986       2.004919
     -0.8424272       2.573109      -1.152307        2.12743      -1.327311
      0.7898473      -1.102016      0.1159693      -1.309373              0
      -1.356869              0      -1.100193              0      -0.833549
              0      -0.660861              0     -0.5734981      0.2089108
      -0.517142      0.5039986     -0.3493881      0.7421531     -0.3031164
       1.111071     -0.2769827       2.288785      -0.215328       2.706839
     -0.1360659       2.904625     -0.5680302       1.828348      -1.063927
       1.950579      -1.370454       1.912564      -1.460223      0.9850156
      -1.303498              0      -0.979837              0     -0.9031245
              0     -0.6837696      0.6426422     -0.4835876       1.918035
      -0.334714       2.627605     -0.1751882       2.188186     -0.2063988
       2.508928     -0.5473307        2.72906      -1.291528       1.755551
       -1.36475       1.417014      -1.159418      0.9902599       -1.34659
      0.1681054       -1.16825              0     -0.8847409              0
     -0.7202241              0     -0.5912099              0     -0.5312593
              0     -0.5183291              0     -0.5179011              0
     -0.5177884              0     -0.5177604              0     -0.5177538
              0     -0.5177523              0     -0.5177519      0.2338444
     -0.5177041        1.18774     -0.5149874        1.89873     -0.4809713
       1.888639     -0.2845252       2.004739     -0.4073825       1.553692
     -0.7112046       2.895295     -0.8508576       3.001694     -0.9740906
       2.817372     -0.8239628       1.841967       -1.23309      0.4641487
       -1.42308     0.08471321      -1.415734              0        -1.3519
              0      -1.069907              0     -0.8115267              0
     -0.6502318              0     -0.5700096              0     -0.5361827
     0.02274662     -0.5236616     0.08938457     -0.5192474      0.1882054
      -0.511775      0.5704243     -0.4527189       1.072212     -0.1964855
       2.558698     -0.1148038        3.17503     -0.0944838       2.158884
      -0.224731       2.847022      -0.935128       3.138625       -1.41642
       1.940661       -1.30258      0.8110225       -1.26992      0.2068908
      -1.608957              0       -1.36366              0     -0.9568107
              0     -0.4736241      0.2752154     -0.3857507      0.6173245
     -0.3121408       1.495827     -0.3021816        2.74429      -0.272798
       3.015627     -0.1968265       3.201466      -0.363849       2.013372
      -1.080396       1.621929      -1.511468       1.881914      -1.498567
       1.898165      -1.273013       1.473229     -0.9367058      0.3913942
      -0.929916              0     -0.9329515              0     -0.7491282
      0.4450765     -0.4518356       1.523132     -0.3020607       2.800339
     -0.0671185       2.936443     -0.2627619       1.908891      -0.401655
       2.985209     -0.9702041       2.911567      -1.399797        1.33373
      -1.311633      0.3498943      -1.343806      0.1085192      -1.429879
      0.0154601      -1.140687              0     -0.8460046              0
     -0.6879492              0     -0.5842124              0     -0.5283825
              0     -0.5182246              0     -0.5178748              0
     -0.5177822              0      -0.517759              0     -0.5177535
              0     -0.5177522              0

type = integer-attribute
name = TAXIS_NUMS
count = 8
 144 0 77002 -999 -999
 -999 -999 -999

type  = float-attribute
name  = TAXIS_FLOATS
count = 8
              0              2              0              0              0
        -999999        -999999        -999999

type = integer-attribute
name = DATASET_RANK
count = 8
 3 144 0 0 0
 0 0 0

type = integer-attribute
name = DATASET_DIMENSIONS
count = 5
 10 10 5 0 0

type = integer-attribute
name = BRICK_TYPES
count = 144
 3 3 3 3 3
 3 3 3 3 3
 3 3 3 3 3
 3 3 3 3 3
 3 3 3 3 3
 3 3 3 3 3
 3 3 3 3 3
 3 3 3 3 3
 3 3 3 3 3
 3 3 3 3 3
 3 3 3 3 3
 3 3 3 3 3
 3 3 3 3 3
 3 3 3 3 3
 3 3 3 3 3
 3 3 3 3 3
 3 3 3 3 3
 3 3 3 3 3
 3 3 3 3 3
 3 3 3 3 3
 3 3 3 3 3
 3 3 3 3 3
 3 3 3 3 3
 3 3 3 3 3
 3 3 3 3 3
 3 3 3 3 3
 3 3 3 3 3
 3 3 3 3 3
 3 3 3 3

type  = float-attribute
name  = BRICK_FLOAT_FACS
count = 144
              0              0              0              0              0
              0              0              0              0              0
              0              0              0              0              0
              0              0              0              0              0
              0              0              0              0              0
              0              0              0              0              0
              0              0              0              0              0
              0              0              0              0              0
              0              0              0              0              0
              0              0              0              0              0
              0              0              0              0              0
              0              0              0              0              0
              0              0              0              0              0
              0              0              0              0              0
              0              0              0              0              0
              0              0              0              0              0
              0              0              0              0              0
              0              0              0              0              0
              0              0              0              0              0
              0              0              0              0              0
              0              0              0              0              0
              0              0              0              0              0
              0              0              0              0              0
              0              0              0              0              0
              0              0              0              0              0
              0              0              0              0              0
              0              0              0              0              0
              0              0              0              0              0
              0              0              0              0

type = string-attribute
name = BRICK_LABS
count = 610
'#0~#1~#2~#3~#4~#5~#6~#7~#8~#9~#10~#11~#12~#13~#14~#15~#16~#17~#18~#19~#20~#21~#22~#23~#24~#25~#26~#27~#28~#29~#30~#31~#32~#33~#34~#35~#36~#37~#38~#39~#40~#41~#42~#43~#44~#45~#46~#47~#48~#49~#50~#51~#52~#53~#54~#55~#56~#57~#58~#59~#60~#61~#62~#63~#64~#65~#66~#67~#68~#69~#70~#71~#72~#73~#74~#75~#76~#77~#78~#79~#80~#81~#82~#83~#84~#85~#86~#87~#88~#89~#90~#91~#92~#93~#94~#95~#96~#97~#98~#99~#100~#101~#102~#103~#104~#105~#106~#107~#108~#109~#110~#111~#112~#113~#114~#115~#116~#117~#118~#119~#120~#121~#122~#123~#124~#125~#126~#127~#128~#129~#130~#131~#132~#133~#134~#135~#136~#137~#138~#139~#140~#141~#142~#143~

type = string-attribute
name = BRICK_KEYWORDS
count = 144
'~~~~~~~~~~~~~~~~~~~~~~~~~~~~~~~~~~~~~~~~~~~~~~~~~~~~~~~~~~~~~~~~~~~~~~~~~~~~~~~~~~~~~~~~~~~~~~~~~~~~~~~~~~~~~~~~~~~~~~~~~~~~~~~~~~~~~~~~~~~~~~~~

type = string-attribute
name = TEMPLATE_SPACE
count = 5
'orig~

type = integer-attribute
name = INT_CMAP
count = 1
 0

type = string-attribute
name = BYTEORDER_STRING
count = 10
'LSB_FIRST~
