
type = string-attribute
name = HISTORY_NOTE
count = 708
'[glerma@vistalab-compute-1: Wed May 23 15:53:04 2018] 3dcopy /home/glerma/PROJECTS/PRF/AFNI/DATA/Wang_cube.nii.gz /home/glerma/PROJECTS/PRF/AFNI/DATA/Wang_cube+orig\n[glerma@vistalab-compute-1: Wed May 23 16:00:01 2018] 3drefit -TR 2 Wang_cube+orig\n[glerma@vistalab-compute-1: Wed May 23 16:00:17 2018] 3drefit -space orig Wang_cube+orig\n[glerma@vistalab-compute-1: Wed May 23 16:17:57 2018] 3dNLfim -input Wang_cube+orig -noise Zero -signal Conv_PRF -sconstr 0 -10.0 10.0 -sconstr 1 -1.0 1.0 -sconstr 2 -1.0 1.0 -sconstr 3 0.0 1.0 -BOTH -nrand 10000 -nbest 5 -bucket 0 buck_Wang.PRF -snfit snfit_Wang.PRF -TR 2 -jobs 10\n[glerma@vistalab-compute-1: Wed May 23 16:17:57 2018] Output prefix: snfit_Wang.PRF~

type = string-attribute
name = TYPESTRING
count = 15
'3DIM_HEAD_ANAT~

type = string-attribute
name = IDCODE_STRING
count = 27
'XYZ_RQW3NFtAQZ6dq8K_-K_S8g~

type = string-attribute
name = IDCODE_DATE
count = 25
'Wed May 23 16:17:57 2018~

type = integer-attribute
name = SCENE_DATA
count = 8
 0 2 0 -999 -999
 -999 -999 -999

type = string-attribute
name = LABEL_1
count = 15
'snfit_Wang.PRF~

type = string-attribute
name = LABEL_2
count = 5
'zyxt~

type = string-attribute
name = DATASET_NAME
count = 15
'snfit_Wang.PRF~

type = integer-attribute
name = ORIENT_SPECIFIC
count = 3
 1 2 4

type  = float-attribute
name  = ORIGIN
count = 3
             -1             -1              1

type  = float-attribute
name  = DELTA
count = 3
             -1             -1              1

type  = float-attribute
name  = IJK_TO_DICOM
count = 12
             -1              0              0             -1              0
             -1              0             -1              0              0
              1              1

type  = float-attribute
name  = IJK_TO_DICOM_REAL
count = 12
             -1              0              0             -1              0
             -1              0             -1              0              0
              1              1

type  = float-attribute
name  = BRICK_STATS
count = 288
     -0.5242453    -0.04947627     -0.5242453    -0.04947627     -0.5242453
    -0.04947627     -0.5240483    -0.04947627     -0.5168329      0.6459914
     -0.4622493        1.60473     -0.3643326       1.821975     -0.1766394
       1.999255     -0.3494647       2.775112     -0.7197465       3.288151
     -0.8391185       3.084947     -0.9688784       1.763153      -1.076242
        1.04385      -1.561409     0.09907166      -1.492618     0.06174886
      -1.229539     0.01423406     -0.9551429    -0.05313463     -0.7844596
    -0.06699713     -0.6441907    -0.05635539     -0.5580863    -0.05188174
     -0.5298829    -0.05018807     -0.5258672    -0.01996876     -0.5246807
     0.09991049     -0.5243554      0.1819354     -0.5242717      0.7451068
     -0.5230774        1.39767      -0.481742       2.002595     -0.1848683
       2.376275    -0.07756566       2.524272      -0.565992       2.004924
      -0.947011       2.626249       -1.15196       2.330087      -1.326913
      0.9999838      -1.101685      0.1159451      -1.310222    -0.05522238
      -1.405237    -0.05147576      -1.149802    -0.05010851     -0.8680261
     -0.0248829     -0.6815009      0.1146247     -0.5852612      0.2073904
     -0.5171401      0.2305214     -0.3493868      0.5293497     -0.3277218
       1.198077     -0.2774279       2.288098     -0.2202173       2.823512
      -0.378801       2.904614     -0.5604712       1.963246      -1.063607
        2.07427      -1.370042       1.937053      -1.497171      0.9850851
      -1.303493    -0.01303294      -1.026569    -0.05686882     -0.8997508
    -0.05301161     -0.6823035      0.7944356     -0.4821915       2.122283
     -0.3433018         2.7492     -0.1751307       2.188178     -0.2063558
       2.508174     -0.7398394       2.728241      -1.378349       1.972641
      -1.366409       1.473409      -1.159421        1.00876      -1.346185
      0.1621961      -1.167899    0.001085918     -0.8931507     -0.1018272
      -0.717091    -0.08006888     -0.5909119    -0.06261182     -0.5309916
    -0.05515609     -0.5247034    -0.05241123     -0.5243622    -0.05151146
     -0.5242736    -0.05097338     -0.5242518     -0.0499397     -0.5242468
    -0.04960886     -0.5242456    -0.04941278     -0.5242453       0.242319
     -0.5242402       1.210371     -0.5234735       1.926023     -0.5094495
       1.940544     -0.3972567       2.288359     -0.4072486       1.553653
     -0.7437178       2.894426     -0.8562668       3.000793      -1.079041
       3.003131     -0.9264119       2.338053       -1.23272       1.042759
      -1.422653      0.1059142      -1.415729    -0.03352949      -1.452002
     -0.0608989       -1.17179    -0.05375056      -0.880242    -0.05091531
     -0.6884958    -0.04991606     -0.5901468    -0.04347063     -0.5477965
     0.02601657     -0.5318765      0.1184842      -0.526314      0.2080579
     -0.5187203      0.4819469     -0.4570088        1.07189     -0.1964848
        2.55793     -0.1147799       3.174076     -0.0987475       2.224005
     -0.2245939       3.043089     -0.9348472       3.168687      -1.415995
       1.940654      -1.302189      0.8108537       -1.38801      0.2068477
      -1.628875    -0.05539558      -1.363655    -0.05206946     -0.9568071
     0.00844291     -0.4734819       0.173295     -0.3856349      0.7599158
     -0.3378688       1.895247     -0.3270197       3.049931     -0.2731599
       3.015616     -0.2122198       3.200504     -0.6988072       2.012767
      -1.338697       1.885573      -1.549485       2.042948      -1.498117
       1.922132      -1.272631       1.514601     -0.9364245      0.3912656
      -1.013506    -0.06779394     -0.9317674    -0.05716444     -0.7548455
      0.4449838     -0.4516999       1.523126       -0.30197       2.800329
    -0.08291779       3.067708     -0.2627072       2.114127     -0.4015714
       2.984312     -0.9702005       2.910692      -1.432145        1.33333
      -1.365626      0.3270437      -1.343403      0.1085381       -1.42945
     0.01684636      -1.140345    -0.05261279     -0.8455782     -0.1148588
     -0.6876025    -0.08543392     -0.5839179    -0.06498294     -0.5281162
    -0.05605874      -0.524749    -0.05271631      -0.524376    -0.05075637
     -0.5242774    -0.04987208     -0.5242528    -0.04958971     -0.5242469
    -0.04950669     -0.5242456    -0.04948397

type = integer-attribute
name = TAXIS_NUMS
count = 8
 144 0 77002 -999 -999
 -999 -999 -999

type  = float-attribute
name  = TAXIS_FLOATS
count = 8
              0              2              0              0              0
        -999999        -999999        -999999

type = integer-attribute
name = DATASET_RANK
count = 8
 3 144 0 0 0
 0 0 0

type = integer-attribute
name = DATASET_DIMENSIONS
count = 5
 10 10 5 0 0

type = integer-attribute
name = BRICK_TYPES
count = 144
 3 3 3 3 3
 3 3 3 3 3
 3 3 3 3 3
 3 3 3 3 3
 3 3 3 3 3
 3 3 3 3 3
 3 3 3 3 3
 3 3 3 3 3
 3 3 3 3 3
 3 3 3 3 3
 3 3 3 3 3
 3 3 3 3 3
 3 3 3 3 3
 3 3 3 3 3
 3 3 3 3 3
 3 3 3 3 3
 3 3 3 3 3
 3 3 3 3 3
 3 3 3 3 3
 3 3 3 3 3
 3 3 3 3 3
 3 3 3 3 3
 3 3 3 3 3
 3 3 3 3 3
 3 3 3 3 3
 3 3 3 3 3
 3 3 3 3 3
 3 3 3 3 3
 3 3 3 3

type  = float-attribute
name  = BRICK_FLOAT_FACS
count = 144
              0              0              0              0              0
              0              0              0              0              0
              0              0              0              0              0
              0              0              0              0              0
              0              0              0              0              0
              0              0              0              0              0
              0              0              0              0              0
              0              0              0              0              0
              0              0              0              0              0
              0              0              0              0              0
              0              0              0              0              0
              0              0              0              0              0
              0              0              0              0              0
              0              0              0              0              0
              0              0              0              0              0
              0              0              0              0              0
              0              0              0              0              0
              0              0              0              0              0
              0              0              0              0              0
              0              0              0              0              0
              0              0              0              0              0
              0              0              0              0              0
              0              0              0              0              0
              0              0              0              0              0
              0              0              0              0              0
              0              0              0              0              0
              0              0              0              0              0
              0              0              0              0              0
              0              0              0              0

type = string-attribute
name = BRICK_LABS
count = 610
'#0~#1~#2~#3~#4~#5~#6~#7~#8~#9~#10~#11~#12~#13~#14~#15~#16~#17~#18~#19~#20~#21~#22~#23~#24~#25~#26~#27~#28~#29~#30~#31~#32~#33~#34~#35~#36~#37~#38~#39~#40~#41~#42~#43~#44~#45~#46~#47~#48~#49~#50~#51~#52~#53~#54~#55~#56~#57~#58~#59~#60~#61~#62~#63~#64~#65~#66~#67~#68~#69~#70~#71~#72~#73~#74~#75~#76~#77~#78~#79~#80~#81~#82~#83~#84~#85~#86~#87~#88~#89~#90~#91~#92~#93~#94~#95~#96~#97~#98~#99~#100~#101~#102~#103~#104~#105~#106~#107~#108~#109~#110~#111~#112~#113~#114~#115~#116~#117~#118~#119~#120~#121~#122~#123~#124~#125~#126~#127~#128~#129~#130~#131~#132~#133~#134~#135~#136~#137~#138~#139~#140~#141~#142~#143~

type = string-attribute
name = BRICK_KEYWORDS
count = 144
'~~~~~~~~~~~~~~~~~~~~~~~~~~~~~~~~~~~~~~~~~~~~~~~~~~~~~~~~~~~~~~~~~~~~~~~~~~~~~~~~~~~~~~~~~~~~~~~~~~~~~~~~~~~~~~~~~~~~~~~~~~~~~~~~~~~~~~~~~~~~~~~~

type = string-attribute
name = TEMPLATE_SPACE
count = 5
'orig~

type = integer-attribute
name = INT_CMAP
count = 1
 0

type = string-attribute
name = BYTEORDER_STRING
count = 10
'LSB_FIRST~
