
type = string-attribute
name = HISTORY_NOTE
count = 813
'[glerma@vistalab-compute-1: Wed May 23 15:53:04 2018] 3dcopy /home/glerma/PROJECTS/PRF/AFNI/DATA/Wang_cube.nii.gz /home/glerma/PROJECTS/PRF/AFNI/DATA/Wang_cube+orig\n[glerma@vistalab-compute-1: Wed May 23 16:00:01 2018] 3drefit -TR 2 Wang_cube+orig\n[glerma@vistalab-compute-1: Wed May 23 16:00:17 2018] 3drefit -space orig Wang_cube+orig\n[glerma@vistalab-compute-1: Tue Jun 12 08:13:41 2018] 3dNLfim -input Wang_cube+orig -noise Zero -signal Conv_PRF_6 -sconstr 0 -10.0 10.0 -sconstr 1 -1.0 1.0 -sconstr 2 -1.0 1.0 -sconstr 3 0.0 1.0 -sconstr 4 1.0 1.2 -sconstr 5 -1.571 1.570 -BOTH -nrand 10000 -nbest 5 -bucket 0 buck_Wang_6nogrid_sigRat1.1.2.PRF -snfit snfit_Wang_6nogrid_sigRat1.1.2.PRF -TR 2 -jobs 10\n[glerma@vistalab-compute-1: Tue Jun 12 08:13:41 2018] Output prefix: snfit_Wang_6nogrid_sigRat1.1.2.PRF~

type = string-attribute
name = TYPESTRING
count = 15
'3DIM_HEAD_ANAT~

type = string-attribute
name = IDCODE_STRING
count = 27
'XYZ_u3Z1kiqsB_fGE6mTmo2N7A~

type = string-attribute
name = IDCODE_DATE
count = 25
'Tue Jun 12 08:13:41 2018~

type = integer-attribute
name = SCENE_DATA
count = 8
 0 2 0 -999 -999
 -999 -999 -999

type = string-attribute
name = LABEL_1
count = 35
'snfit_Wang_6nogrid_sigRat1.1.2.PRF~

type = string-attribute
name = LABEL_2
count = 5
'zyxt~

type = string-attribute
name = DATASET_NAME
count = 35
'snfit_Wang_6nogrid_sigRat1.1.2.PRF~

type = integer-attribute
name = ORIENT_SPECIFIC
count = 3
 1 2 4

type  = float-attribute
name  = ORIGIN
count = 3
             -1             -1              1

type  = float-attribute
name  = DELTA
count = 3
             -1             -1              1

type  = float-attribute
name  = IJK_TO_DICOM
count = 12
             -1              0              0             -1              0
             -1              0             -1              0              0
              1              1

type  = float-attribute
name  = IJK_TO_DICOM_REAL
count = 12
             -1              0              0             -1              0
             -1              0             -1              0              0
              1              1

type  = float-attribute
name  = BRICK_STATS
count = 288
     -0.5309345    -0.03622061     -0.5309345    -0.03622061     -0.5309345
    -0.03622061     -0.5294769    -0.03622061     -0.5116615      0.6545044
     -0.4721518       1.712367     -0.3778633       1.897232      -0.178588
       2.096874     -0.3774192       2.713437     -0.7626482       3.184391
     -0.8619935       3.245601     -0.9965159       1.835997       -1.01754
       1.152032      -1.508258      0.1182159      -1.538497    -0.05758762
      -1.259432     -0.1039039     -0.9163238    -0.07483273     -0.6840104
    -0.05384555     -0.5894685    -0.04306776     -0.5517511    -0.03856687
     -0.5376806    -0.03694682     -0.5329518    -0.03642715     -0.5314968
     0.01312857     -0.5310801      0.1594179      -0.530844       0.771547
     -0.5284417       1.337156     -0.4884182       1.896517     -0.2199233
       2.249083     -0.1363294       2.402971     -0.4986145       2.126997
     -0.8813411       2.811498       -1.04251       2.447715      -1.299687
      0.9498795      -1.129327      0.1389743      -1.390451    -0.03856687
      -1.433132    -0.03694682      -1.150949    -0.03642715     -0.8642004
    -0.03627529     -0.6799958    -0.03134179     -0.5796623     0.03038215
     -0.4939034      0.1167514     -0.3366603      0.7521206     -0.3318898
       1.571011     -0.2797541       2.386567     -0.2244247       2.833212
     -0.5267123        2.79325       -0.64051       2.041133      -1.121762
       2.181503      -1.409941       2.054132      -1.475179       1.017043
      -1.315113    0.004572392      -1.049738    -0.03856687     -0.9359282
    -0.03694682     -0.7080434      0.6981493     -0.4935977       2.140348
     -0.3237481       2.912646     -0.1652601       2.373979      -0.205502
       2.440188     -0.8079708       2.546916      -1.437361       1.875354
      -1.397922       1.393318      -1.176066      0.9886573      -1.289926
       0.219205       -1.16411    -0.07583509     -0.9077018    -0.09701553
     -0.7226458    -0.07095385     -0.5753669    -0.05384555     -0.5325906
    -0.04306776     -0.5313852    -0.03856687     -0.5310498    -0.03694682
     -0.5309625    -0.03642715     -0.5309409    -0.03627529     -0.5309359
    -0.03623423     -0.5309348    -0.03622383     -0.5309327      0.2829307
     -0.5308774       1.259919     -0.5291759       1.907325     -0.5084661
       1.904457      -0.376551       2.272388     -0.4053282       1.599131
      -0.705828       2.834852     -0.8324454       2.956229       -1.07293
       2.987186     -0.9393328       2.290316      -1.158738       1.065693
        -1.4091     0.04744358       -1.40509    -0.06594753      -1.450057
    -0.05266161       -1.17922    -0.04541402     -0.8913241    -0.03929307
     -0.6991228    -0.03715335     -0.5991914    -0.03648183     -0.5556012
     -0.0362889     -0.5390117  -0.0008782114     -0.5330237     0.09441657
      -0.524407      0.2674018     -0.4621861       1.088083     -0.1934027
       2.547589     -0.1162851       3.161543       -0.15531       2.230047
     -0.2754923       3.121764     -0.8803998       3.241357      -1.404936
       1.959891      -1.324696      0.8422546      -1.417224       0.234382
       -1.65191    -0.03929307      -1.377498    -0.03715335     -0.9590854
    -0.03220628     -0.4743234     0.09647864     -0.3552531      0.7635779
     -0.3410313       1.870195     -0.3258815        3.02422     -0.2696531
       3.005776     -0.1887122        3.12723     -0.7200294        1.95232
      -1.305837       1.895062      -1.551516       2.004322      -1.486357
       1.871351      -1.281497       1.533722     -0.9552019      0.4062921
      -1.009447    -0.05384555     -0.9308617    -0.04306776     -0.7507141
      0.4614589     -0.4490733       1.532516      -0.270763       2.834995
    -0.08519347       3.147338     -0.2721528       2.133989     -0.4053012
       2.990165     -0.9804075       2.883003      -1.460775       1.311611
      -1.384468      0.4270498      -1.387728     0.05717487      -1.459957
      -0.126171       -1.15441     -0.1222501     -0.8397455    -0.09701553
      -0.639356    -0.07095385      -0.540362    -0.05509608      -0.532782
    -0.04541402     -0.5314463    -0.03929307     -0.5310676    -0.03715335
     -0.5309672    -0.03648183     -0.5309421     -0.0362889     -0.5309362
    -0.03623744     -0.5309348    -0.03622455

type = integer-attribute
name = TAXIS_NUMS
count = 8
 144 0 77002 -999 -999
 -999 -999 -999

type  = float-attribute
name  = TAXIS_FLOATS
count = 8
              0              2              0              0              0
        -999999        -999999        -999999

type = integer-attribute
name = DATASET_RANK
count = 8
 3 144 0 0 0
 0 0 0

type = integer-attribute
name = DATASET_DIMENSIONS
count = 5
 10 10 5 0 0

type = integer-attribute
name = BRICK_TYPES
count = 144
 3 3 3 3 3
 3 3 3 3 3
 3 3 3 3 3
 3 3 3 3 3
 3 3 3 3 3
 3 3 3 3 3
 3 3 3 3 3
 3 3 3 3 3
 3 3 3 3 3
 3 3 3 3 3
 3 3 3 3 3
 3 3 3 3 3
 3 3 3 3 3
 3 3 3 3 3
 3 3 3 3 3
 3 3 3 3 3
 3 3 3 3 3
 3 3 3 3 3
 3 3 3 3 3
 3 3 3 3 3
 3 3 3 3 3
 3 3 3 3 3
 3 3 3 3 3
 3 3 3 3 3
 3 3 3 3 3
 3 3 3 3 3
 3 3 3 3 3
 3 3 3 3 3
 3 3 3 3

type  = float-attribute
name  = BRICK_FLOAT_FACS
count = 144
              0              0              0              0              0
              0              0              0              0              0
              0              0              0              0              0
              0              0              0              0              0
              0              0              0              0              0
              0              0              0              0              0
              0              0              0              0              0
              0              0              0              0              0
              0              0              0              0              0
              0              0              0              0              0
              0              0              0              0              0
              0              0              0              0              0
              0              0              0              0              0
              0              0              0              0              0
              0              0              0              0              0
              0              0              0              0              0
              0              0              0              0              0
              0              0              0              0              0
              0              0              0              0              0
              0              0              0              0              0
              0              0              0              0              0
              0              0              0              0              0
              0              0              0              0              0
              0              0              0              0              0
              0              0              0              0              0
              0              0              0              0              0
              0              0              0              0              0
              0              0              0              0              0
              0              0              0              0

type = string-attribute
name = BRICK_LABS
count = 610
'#0~#1~#2~#3~#4~#5~#6~#7~#8~#9~#10~#11~#12~#13~#14~#15~#16~#17~#18~#19~#20~#21~#22~#23~#24~#25~#26~#27~#28~#29~#30~#31~#32~#33~#34~#35~#36~#37~#38~#39~#40~#41~#42~#43~#44~#45~#46~#47~#48~#49~#50~#51~#52~#53~#54~#55~#56~#57~#58~#59~#60~#61~#62~#63~#64~#65~#66~#67~#68~#69~#70~#71~#72~#73~#74~#75~#76~#77~#78~#79~#80~#81~#82~#83~#84~#85~#86~#87~#88~#89~#90~#91~#92~#93~#94~#95~#96~#97~#98~#99~#100~#101~#102~#103~#104~#105~#106~#107~#108~#109~#110~#111~#112~#113~#114~#115~#116~#117~#118~#119~#120~#121~#122~#123~#124~#125~#126~#127~#128~#129~#130~#131~#132~#133~#134~#135~#136~#137~#138~#139~#140~#141~#142~#143~

type = string-attribute
name = BRICK_KEYWORDS
count = 144
'~~~~~~~~~~~~~~~~~~~~~~~~~~~~~~~~~~~~~~~~~~~~~~~~~~~~~~~~~~~~~~~~~~~~~~~~~~~~~~~~~~~~~~~~~~~~~~~~~~~~~~~~~~~~~~~~~~~~~~~~~~~~~~~~~~~~~~~~~~~~~~~~

type = string-attribute
name = TEMPLATE_SPACE
count = 5
'orig~

type = integer-attribute
name = INT_CMAP
count = 1
 0

type = string-attribute
name = BYTEORDER_STRING
count = 10
'LSB_FIRST~
