
type = string-attribute
name = HISTORY_NOTE
count = 738
'[glerma@vistalab-compute-1: Fri May 18 01:44:34 2018] 3dcopy /home/glerma/PROJECTS/PRF/AFNI/DATA/reallyGood_cube.nii.gz /home/glerma/PROJECTS/PRF/AFNI/DATA/reallyGood_cube+orig\n[glerma@vistalab-compute-1: Fri May 18 01:55:41 2018] 3drefit -TR 2 reallyGood_cube+orig\n[glerma@vistalab-compute-1: Fri May 18 01:55:48 2018] 3drefit -space orig reallyGood_cube+orig\n[glerma@vistalab-compute-1: Tue May 22 03:40:45 2018] 3dNLfim -input reallyGood_cube+orig -noise Zero -signal Conv_PRF -sconstr 0 -10.0 10.0 -sconstr 1 -1.0 1.0 -sconstr 2 -1.0 1.0 -sconstr 3 0.0 1.0 -BOTH -nrand 10000 -nbest 5 -bucket 0 buck_SPM1.PRF -snfit snfit_SPM1.PRF -TR 2 -jobs 12\n[glerma@vistalab-compute-1: Tue May 22 03:40:45 2018] Output prefix: snfit_SPM1.PRF~

type = string-attribute
name = TYPESTRING
count = 15
'3DIM_HEAD_ANAT~

type = string-attribute
name = IDCODE_STRING
count = 27
'XYZ_mstnlw0RjxilmX-sjlRMjw~

type = string-attribute
name = IDCODE_DATE
count = 25
'Tue May 22 03:40:45 2018~

type = integer-attribute
name = SCENE_DATA
count = 8
 0 2 0 -999 -999
 -999 -999 -999

type = string-attribute
name = LABEL_1
count = 15
'snfit_SPM1.PRF~

type = string-attribute
name = LABEL_2
count = 5
'zyxt~

type = string-attribute
name = DATASET_NAME
count = 15
'snfit_SPM1.PRF~

type = integer-attribute
name = ORIENT_SPECIFIC
count = 3
 1 2 4

type  = float-attribute
name  = ORIGIN
count = 3
             -1             -1              1

type  = float-attribute
name  = DELTA
count = 3
             -1             -1              1

type  = float-attribute
name  = IJK_TO_DICOM
count = 12
             -1              0              0             -1              0
             -1              0             -1              0              0
              1              1

type  = float-attribute
name  = IJK_TO_DICOM_REAL
count = 12
             -1              0              0             -1              0
             -1              0             -1              0              0
              1              1

type  = float-attribute
name  = BRICK_STATS
count = 288
      -1.570652     -0.8140599      -1.570652     -0.8140599      -1.570652
     -0.8140599      -1.437899     -0.7896498     -0.9102976     -0.6073315
     -0.3346079      0.3617859      0.2360337       1.643485       1.016684
       2.685701       1.724744       3.212608       2.060174       3.111955
        1.73578       2.608886       1.105493       1.613718      0.2630412
      0.4473356     -0.7690131     -0.2544892      -1.527261     -0.7362948
      -1.909939     -0.9932142      -1.997894      -1.068904       -1.93462
      -1.041093      -1.828596     -0.9761388      -1.725213     -0.9126097
      -1.650164     -0.8655615      -1.599029     -0.8351916       -1.53533
     -0.8044662      -1.265972     -0.7190312     -0.6440074     -0.4649467
      -0.126509      0.2661357      0.3892019       1.045034       1.044603
       1.840285       1.550662       2.428868       1.777659       2.673061
       1.478836       2.392919      0.8595755       1.735627      0.1325756
      0.6823611     -0.7060414     -0.3640093      -1.551203     -0.9039581
      -1.935917      -1.057043      -2.012201      -1.063842      -1.947221
      -1.002849      -1.785725     -0.8872756      -1.448616      -0.683306
     -0.8773609     -0.3777278     -0.1436684      0.0885234      0.5616363
      0.7650414       1.132926       1.662483         1.6648       2.506811
       1.843189       3.017724       1.425396       3.056147      0.6950895
       2.431427    -0.06995169       1.163128     -0.7047122     -0.3562896
       -1.52114      -0.983983      -1.884294      -1.047552      -1.451753
     -0.8172399      -0.370093     -0.1059742      0.3905512       1.074383
       1.139238       2.099509         1.7499       2.761658       1.835985
       2.784582       1.354602       2.168831       0.743371       1.358258
     0.07327133      0.5156881     -0.5661633     -0.3539966      -1.300447
     -0.8419753      -1.772956      -1.012647       -1.93022      -1.041106
       -1.92906      -1.000239      -1.851116      -0.940369      -1.754739
      -0.886883      -1.675675     -0.8504949      -1.623306     -0.8301399
      -1.591886     -0.8196314      -1.576661     -0.8154144      -1.571136
     -0.8141672      -1.545167     -0.8113883      -1.401475     -0.7887051
      -1.052764     -0.7124304     -0.5804514     -0.2784688     -0.1718292
      0.6444628       0.436411       1.735322       1.197383       2.718631
       1.855366       3.275209       2.046051       3.088576       1.739653
       2.542648       1.223245       1.728612      0.4925694      0.7815335
       -0.50866    -0.07249842      -1.314692     -0.6806847      -1.791798
     -0.9781383      -1.961257      -1.068324      -1.949911      -1.047233
      -1.864021     -0.9838004      -1.755329     -0.9163981       -1.64537
     -0.8570103      -1.487447     -0.7806442      -1.185458      -0.620822
      -0.655691      -0.276088      0.1468226      0.4042625      0.9420447
       1.445963       1.553009       2.341859       2.001817       3.159595
       2.077968       3.778397       1.680437       3.724494      0.8565943
       2.595187    -0.07632826        0.75016      -1.029026      -0.663626
      -1.846808      -1.052579      -2.068488      -1.085663      -1.764535
     -0.8965683      -1.063507     -0.4969706      -0.160647       0.159621
       0.750975       1.118896       1.518377       2.185351       2.031811
       3.001231       2.095393       3.304864       1.583745        2.94375
      0.7718275        2.04655    -0.01926178       0.928956     -0.5906545
     -0.1203739      -1.250929     -0.8597243      -1.711018      -1.054035
      -1.936597      -1.058493      -1.761363     -0.9378013       -0.63081
     -0.3797891      0.2900676       1.412306       1.084057       2.847289
       1.681244       3.475453       1.959555       3.393416       1.879452
       2.855416       1.248252       1.910812      0.4006656      0.7291152
     -0.6458392     -0.1531895      -1.379788     -0.6868845      -1.814843
     -0.9699125      -1.962328      -1.061821      -1.939438      -1.044545
      -1.849159     -0.9849805      -1.750431     -0.9215428       -1.67234
     -0.8725708      -1.619437     -0.8405309       -1.59126     -0.8243937
      -1.577947     -0.8173926      -1.572742     -0.8149422      -1.571145
      -0.814274      -1.570689     -0.8140828

type = integer-attribute
name = TAXIS_NUMS
count = 8
 144 0 77002 -999 -999
 -999 -999 -999

type  = float-attribute
name  = TAXIS_FLOATS
count = 8
              0              2              0              0              0
        -999999        -999999        -999999

type = integer-attribute
name = DATASET_RANK
count = 8
 3 144 0 0 0
 0 0 0

type = integer-attribute
name = DATASET_DIMENSIONS
count = 5
 2 2 3 0 0

type = integer-attribute
name = BRICK_TYPES
count = 144
 3 3 3 3 3
 3 3 3 3 3
 3 3 3 3 3
 3 3 3 3 3
 3 3 3 3 3
 3 3 3 3 3
 3 3 3 3 3
 3 3 3 3 3
 3 3 3 3 3
 3 3 3 3 3
 3 3 3 3 3
 3 3 3 3 3
 3 3 3 3 3
 3 3 3 3 3
 3 3 3 3 3
 3 3 3 3 3
 3 3 3 3 3
 3 3 3 3 3
 3 3 3 3 3
 3 3 3 3 3
 3 3 3 3 3
 3 3 3 3 3
 3 3 3 3 3
 3 3 3 3 3
 3 3 3 3 3
 3 3 3 3 3
 3 3 3 3 3
 3 3 3 3 3
 3 3 3 3

type  = float-attribute
name  = BRICK_FLOAT_FACS
count = 144
              0              0              0              0              0
              0              0              0              0              0
              0              0              0              0              0
              0              0              0              0              0
              0              0              0              0              0
              0              0              0              0              0
              0              0              0              0              0
              0              0              0              0              0
              0              0              0              0              0
              0              0              0              0              0
              0              0              0              0              0
              0              0              0              0              0
              0              0              0              0              0
              0              0              0              0              0
              0              0              0              0              0
              0              0              0              0              0
              0              0              0              0              0
              0              0              0              0              0
              0              0              0              0              0
              0              0              0              0              0
              0              0              0              0              0
              0              0              0              0              0
              0              0              0              0              0
              0              0              0              0              0
              0              0              0              0              0
              0              0              0              0              0
              0              0              0              0              0
              0              0              0              0              0
              0              0              0              0

type = string-attribute
name = BRICK_LABS
count = 610
'#0~#1~#2~#3~#4~#5~#6~#7~#8~#9~#10~#11~#12~#13~#14~#15~#16~#17~#18~#19~#20~#21~#22~#23~#24~#25~#26~#27~#28~#29~#30~#31~#32~#33~#34~#35~#36~#37~#38~#39~#40~#41~#42~#43~#44~#45~#46~#47~#48~#49~#50~#51~#52~#53~#54~#55~#56~#57~#58~#59~#60~#61~#62~#63~#64~#65~#66~#67~#68~#69~#70~#71~#72~#73~#74~#75~#76~#77~#78~#79~#80~#81~#82~#83~#84~#85~#86~#87~#88~#89~#90~#91~#92~#93~#94~#95~#96~#97~#98~#99~#100~#101~#102~#103~#104~#105~#106~#107~#108~#109~#110~#111~#112~#113~#114~#115~#116~#117~#118~#119~#120~#121~#122~#123~#124~#125~#126~#127~#128~#129~#130~#131~#132~#133~#134~#135~#136~#137~#138~#139~#140~#141~#142~#143~

type = string-attribute
name = BRICK_KEYWORDS
count = 144
'~~~~~~~~~~~~~~~~~~~~~~~~~~~~~~~~~~~~~~~~~~~~~~~~~~~~~~~~~~~~~~~~~~~~~~~~~~~~~~~~~~~~~~~~~~~~~~~~~~~~~~~~~~~~~~~~~~~~~~~~~~~~~~~~~~~~~~~~~~~~~~~~

type = string-attribute
name = TEMPLATE_SPACE
count = 5
'orig~

type = integer-attribute
name = INT_CMAP
count = 1
 0

type = string-attribute
name = BYTEORDER_STRING
count = 10
'LSB_FIRST~
