
type = string-attribute
name = HISTORY_NOTE
count = 422
'[glerma@GariMBP: Thu Jun 27 08:11:59 2019] {AFNI_18.2.15:macosx_10.7_local} 3dcopy /Users/glerma/soft/PRFmodel/local/tpa09d62d4_f008_4ebe_a752_3578bf5e7f7d/tmp.nii.gz /Users/glerma/soft/PRFmodel/local/tpa09d62d4_f008_4ebe_a752_3578bf5e7f7d/tmp+orig\n[glerma@GariMBP: Thu Jun 27 08:12:12 2019] {AFNI_18.2.15:macosx_10.7_local} 3drefit -TR 2 /Users/glerma/soft/PRFmodel/local/tpa09d62d4_f008_4ebe_a752_3578bf5e7f7d/tmp+orig~

type = string-attribute
name = TYPESTRING
count = 15
'3DIM_HEAD_ANAT~

type = string-attribute
name = IDCODE_STRING
count = 27
'AFN_i5VhjOkBoYwIvZBKBDNm5A~

type = string-attribute
name = IDCODE_DATE
count = 25
'Thu Jun 27 08:11:59 2019~

type = integer-attribute
name = SCENE_DATA
count = 8
 0 2 0 -999 -999
 -999 -999 -999

type = string-attribute
name = LABEL_1
count = 5
'zyxt~

type = string-attribute
name = LABEL_2
count = 5
'zyxt~

type = string-attribute
name = DATASET_NAME
count = 5
'zyxt~

type = integer-attribute
name = ORIENT_SPECIFIC
count = 3
 1 2 4

type  = float-attribute
name  = ORIGIN
count = 3
             -1             -1              1

type  = float-attribute
name  = DELTA
count = 3
             -1             -1              1

type  = float-attribute
name  = IJK_TO_DICOM
count = 12
             -1              0              0             -1              0
             -1              0             -1              0              0
              1              1

type  = float-attribute
name  = IJK_TO_DICOM_REAL
count = 12
             -1              0              0             -1              0
             -1              0             -1              0              0
              1              1

type  = float-attribute
name  = BRICK_STATS
count = 300
       9800.453       10053.54       9679.072        10006.7       9904.636
       10232.74       9617.886       9905.667       9886.515       10247.86
        9828.56       10016.48       9743.546       10065.48       9974.289
       10657.36       9673.753       10425.49       9874.245        10574.1
       9929.496          10221       9636.548       10638.48       9828.611
       10775.98       9621.696       10191.11       9851.506       10433.63
       9712.166       10618.55       9566.238       10467.08       9903.573
       10509.75       9617.322       9870.063       9684.885       10194.34
        9645.96       10073.09       9655.059       9905.696       9961.052
       10241.62       9743.115       10344.77       9926.048       10729.66
       9812.659       10451.98       9665.522        10440.2       9962.969
       10679.26       9534.621       10437.12       9765.688       10722.72
       9644.232       10565.59       9561.854       10487.64       9832.438
       10647.78       9417.693       10071.08        9736.23       10066.79
       9690.508       10174.87        9695.69       10126.77       9852.112
       10360.01       9574.403       10001.18       9890.318       10512.38
       9832.983       10579.25       9749.253       10328.47       9951.315
       10451.44       9536.355       10397.61       9839.187       10784.36
       9741.614       10329.15         9711.9       10271.22       9786.163
       10716.42       9527.828       10346.47       9792.318       10357.46
       9745.384       10005.31       9589.046       9970.959       9958.066
        10172.3       9576.341       9948.141       9847.693       10177.58
       9886.506       10410.31       9758.027       10501.35       9924.584
       10782.52        9680.05       10533.15       9747.841       10673.17
       9675.319       10516.94       9534.724       10432.13       9983.775
       10806.22       9552.285       10529.15       9811.633       10583.99
       9736.546       10193.94       9530.713       10052.93       9938.256
       10231.93        9549.63       9924.966       9898.274       10214.88
       9817.294       10044.36       9654.513       9969.725       9974.198
       10186.44       9635.854       9902.129       9909.048       10241.11
       9778.851       10123.87       9725.339       10366.25       10045.89
       10649.54       9635.812       10444.81       9994.495       10680.43
       9824.628       10565.66       9509.597       10411.79       9832.502
       10745.58       9556.621       10413.38       9864.264       10683.33
       9754.497       10636.66       9619.922       10448.39       9835.905
        10803.8       9541.479       10104.92       9819.593       10128.91
       9769.466       9998.008       9671.793       10031.63       10009.18
       10690.72       9657.229       10350.02       9926.195       10587.57
       9714.772       10630.08       9734.775       10466.11       9928.126
       10682.44       9544.575       10462.53       9808.955       10691.93
       9716.197       10499.34         9542.7       10367.46       9918.321
       10703.31       9546.953       10385.18       9831.698       10413.08
       9739.238       10131.52       9640.614       9953.076       9835.872
       10363.71       9550.847       10436.64       9885.416       10611.87
        9763.82       10580.43       9708.315       10477.79       9829.146
       10781.13       9559.474       10373.56       9874.946       10725.29
       9794.276       10515.36       9685.564       10474.38       9770.498
        10740.9       9542.423       10422.21       9783.543       10657.46
       9711.634       10285.73        9509.64       9957.437       9833.695
       10190.29       9513.099       9981.034         9779.2       10626.82
       9807.505       10673.09       9684.668       10398.26       9939.868
       10777.07       9638.332       10383.46       9786.185       10654.32
       9818.041       10560.03       9624.818       10568.49       9783.647
       10741.26       9523.331       10368.46       9853.174       10619.76
       9697.366       10475.68       9554.392       10127.95       9832.213
       10212.86       9457.919       9965.797       9773.074       10248.66
       9779.152       10018.73       9683.323       9995.669       9933.023
        10169.3       9663.312       9869.963       9924.188       10060.79
       9782.217       10056.15       9642.546       10030.31       10013.35
       10282.23       9607.931       9888.718       9843.997       10172.55

type = integer-attribute
name = TAXIS_NUMS
count = 8
 150 0 77002 -999 -999
 -999 -999 -999

type  = float-attribute
name  = TAXIS_FLOATS
count = 8
              0              2              0              0              0
        -999999        -999999        -999999

type = integer-attribute
name = DATASET_RANK
count = 8
 3 150 0 0 0
 0 0 0

type = integer-attribute
name = DATASET_DIMENSIONS
count = 5
 4 4 1 0 0

type = integer-attribute
name = BRICK_TYPES
count = 150
 3 3 3 3 3
 3 3 3 3 3
 3 3 3 3 3
 3 3 3 3 3
 3 3 3 3 3
 3 3 3 3 3
 3 3 3 3 3
 3 3 3 3 3
 3 3 3 3 3
 3 3 3 3 3
 3 3 3 3 3
 3 3 3 3 3
 3 3 3 3 3
 3 3 3 3 3
 3 3 3 3 3
 3 3 3 3 3
 3 3 3 3 3
 3 3 3 3 3
 3 3 3 3 3
 3 3 3 3 3
 3 3 3 3 3
 3 3 3 3 3
 3 3 3 3 3
 3 3 3 3 3
 3 3 3 3 3
 3 3 3 3 3
 3 3 3 3 3
 3 3 3 3 3
 3 3 3 3 3
 3 3 3 3 3

type  = float-attribute
name  = BRICK_FLOAT_FACS
count = 150
              0              0              0              0              0
              0              0              0              0              0
              0              0              0              0              0
              0              0              0              0              0
              0              0              0              0              0
              0              0              0              0              0
              0              0              0              0              0
              0              0              0              0              0
              0              0              0              0              0
              0              0              0              0              0
              0              0              0              0              0
              0              0              0              0              0
              0              0              0              0              0
              0              0              0              0              0
              0              0              0              0              0
              0              0              0              0              0
              0              0              0              0              0
              0              0              0              0              0
              0              0              0              0              0
              0              0              0              0              0
              0              0              0              0              0
              0              0              0              0              0
              0              0              0              0              0
              0              0              0              0              0
              0              0              0              0              0
              0              0              0              0              0
              0              0              0              0              0
              0              0              0              0              0
              0              0              0              0              0
              0              0              0              0              0

type = string-attribute
name = TEMPLATE_SPACE
count = 5
'TLRC~

type = integer-attribute
name = INT_CMAP
count = 1
 0

type = string-attribute
name = BYTEORDER_STRING
count = 10
'LSB_FIRST~

type = string-attribute
name = BRICK_LABS
count = 640
'#0~#1~#2~#3~#4~#5~#6~#7~#8~#9~#10~#11~#12~#13~#14~#15~#16~#17~#18~#19~#20~#21~#22~#23~#24~#25~#26~#27~#28~#29~#30~#31~#32~#33~#34~#35~#36~#37~#38~#39~#40~#41~#42~#43~#44~#45~#46~#47~#48~#49~#50~#51~#52~#53~#54~#55~#56~#57~#58~#59~#60~#61~#62~#63~#64~#65~#66~#67~#68~#69~#70~#71~#72~#73~#74~#75~#76~#77~#78~#79~#80~#81~#82~#83~#84~#85~#86~#87~#88~#89~#90~#91~#92~#93~#94~#95~#96~#97~#98~#99~#100~#101~#102~#103~#104~#105~#106~#107~#108~#109~#110~#111~#112~#113~#114~#115~#116~#117~#118~#119~#120~#121~#122~#123~#124~#125~#126~#127~#128~#129~#130~#131~#132~#133~#134~#135~#136~#137~#138~#139~#140~#141~#142~#143~#144~#145~#146~#147~#148~#149~

type = string-attribute
name = BRICK_KEYWORDS
count = 150
'~~~~~~~~~~~~~~~~~~~~~~~~~~~~~~~~~~~~~~~~~~~~~~~~~~~~~~~~~~~~~~~~~~~~~~~~~~~~~~~~~~~~~~~~~~~~~~~~~~~~~~~~~~~~~~~~~~~~~~~~~~~~~~~~~~~~~~~~~~~~~~~~~~~~~~
