
type = string-attribute
name = HISTORY_NOTE
count = 289
'[glerma@vistalab-compute-1: Tue May 15 13:54:25 2018] 3dcopy prf_afni_cube.nii.gz functional_cube+orig\n[glerma@vistalab-compute-1: Tue May 15 14:44:32 2018] 3drefit -TR 2 functional_cube+orig\n[glerma@vistalab-compute-1: Thu May 17 03:42:33 2018] 3drefit -space orig functional_cube+orig~

type = string-attribute
name = TYPESTRING
count = 15
'3DIM_HEAD_ANAT~

type = string-attribute
name = IDCODE_STRING
count = 27
'XYZ_vxkXocZ1_3fVYLSOkcFOaQ~

type = string-attribute
name = IDCODE_DATE
count = 25
'Tue May 15 13:54:25 2018~

type = integer-attribute
name = SCENE_DATA
count = 8
 0 2 0 -999 -999
 -999 -999 -999

type = string-attribute
name = LABEL_1
count = 5
'zyxt~

type = string-attribute
name = LABEL_2
count = 5
'zyxt~

type = string-attribute
name = DATASET_NAME
count = 5
'zyxt~

type = integer-attribute
name = ORIENT_SPECIFIC
count = 3
 1 2 4

type  = float-attribute
name  = ORIGIN
count = 3
             -1             -1              1

type  = float-attribute
name  = DELTA
count = 3
             -1             -1              1

type  = float-attribute
name  = IJK_TO_DICOM
count = 12
             -1              0              0             -1              0
             -1              0             -1              0              0
              1              1

type  = float-attribute
name  = IJK_TO_DICOM_REAL
count = 12
             -1              0              0             -1              0
             -1              0             -1              0              0
              1              1

type  = float-attribute
name  = BRICK_STATS
count = 288
           3514           4570           3520           4539           3540
           4555           3535           4541           3592           4562
           3588           4532           3575           4524           3596
           4543           3610           4552           3626           4553
           3600           4546           3624           4545           3646
           4547           3619           4531           3621           4545
           3588           4536           3588           4503           3583
           4511           3541           4496           3578           4504
           3592           4525           3624           4508           3610
           4502           3574           4476           3570           4493
           3580           4508           3618           4504           3618
           4518           3638           4514           3654           4502
           3586           4467           3595           4459           3567
           4468           3573           4462           3562           4474
           3552           4482           3592           4510           3601
           4479           3609           4478           3610           4477
           3616           4482           3618           4488           3633
           4483           3633           4453           3631           4463
           3609           4466           3632           4455           3575
           4441           3604           4460           3594           4455
           3580           4455           3578           4447           3599
           4463           3612           4457           3602           4460
           3564           4453           3577           4460           3590
           4474           3597           4479           3647           4477
           3626           4436           3634           4490           3631
           4480           3604           4471           3565           4470
           3532           4459           3563           4489           3534
           4450           3566           4470           3578           4465
           3557           4457           3557           4463           3529
           4437           3595           4479           3573           4434
           3588           4439           3589           4431           3585
           4411           3608           4421           3605           4426
           3631           4440           3636           4448           3661
           4449           3661           4438           3604           4418
           3607           4428           3558           4378           3568
           4396           3564           4388           3579           4397
           3574           4387           3572           4409           3576
           4406           3534           4384           3540           4381
           3567           4386           3591           4401           3620
           4396           3660           4394           3623           4376
           3600           4387           3584           4366           3570
           4375           3547           4364           3572           4376
           3571           4351           3603           4367           3599
           4360           3606           4371           3619           4381
           3602           4363           3619           4370           3619
           4388           3665           4406           3642           4400
           3645           4376           3609           4365           3641
           4389           3640           4370           3634           4374
           3600           4353           3567           4388           3612
           4363           3620           4376           3597           4354
           3566           4352           3596           4369           3601
           4367           3614           4363           3616           4391
           3634           4380           3650           4396           3606
           4395           3568           4358           3558           4352
           3538           4341           3550           4345           3535
           4336           3528           4341           3527           4341
           3552           4348           3541           4341           3580
           4360           3581           4353

type = integer-attribute
name = TAXIS_NUMS
count = 8
 144 0 77002 -999 -999
 -999 -999 -999

type  = float-attribute
name  = TAXIS_FLOATS
count = 8
              0              2              0              0              0
        -999999        -999999        -999999

type = integer-attribute
name = DATASET_RANK
count = 8
 3 144 0 0 0
 0 0 0

type = integer-attribute
name = DATASET_DIMENSIONS
count = 5
 2 2 2 0 0

type = integer-attribute
name = BRICK_TYPES
count = 144
 1 1 1 1 1
 1 1 1 1 1
 1 1 1 1 1
 1 1 1 1 1
 1 1 1 1 1
 1 1 1 1 1
 1 1 1 1 1
 1 1 1 1 1
 1 1 1 1 1
 1 1 1 1 1
 1 1 1 1 1
 1 1 1 1 1
 1 1 1 1 1
 1 1 1 1 1
 1 1 1 1 1
 1 1 1 1 1
 1 1 1 1 1
 1 1 1 1 1
 1 1 1 1 1
 1 1 1 1 1
 1 1 1 1 1
 1 1 1 1 1
 1 1 1 1 1
 1 1 1 1 1
 1 1 1 1 1
 1 1 1 1 1
 1 1 1 1 1
 1 1 1 1 1
 1 1 1 1

type  = float-attribute
name  = BRICK_FLOAT_FACS
count = 144
              0              0              0              0              0
              0              0              0              0              0
              0              0              0              0              0
              0              0              0              0              0
              0              0              0              0              0
              0              0              0              0              0
              0              0              0              0              0
              0              0              0              0              0
              0              0              0              0              0
              0              0              0              0              0
              0              0              0              0              0
              0              0              0              0              0
              0              0              0              0              0
              0              0              0              0              0
              0              0              0              0              0
              0              0              0              0              0
              0              0              0              0              0
              0              0              0              0              0
              0              0              0              0              0
              0              0              0              0              0
              0              0              0              0              0
              0              0              0              0              0
              0              0              0              0              0
              0              0              0              0              0
              0              0              0              0              0
              0              0              0              0              0
              0              0              0              0              0
              0              0              0              0              0
              0              0              0              0

type = string-attribute
name = TEMPLATE_SPACE
count = 5
'orig~

type = integer-attribute
name = INT_CMAP
count = 1
 0

type = string-attribute
name = BYTEORDER_STRING
count = 10
'LSB_FIRST~

type = string-attribute
name = BRICK_LABS
count = 610
'#0~#1~#2~#3~#4~#5~#6~#7~#8~#9~#10~#11~#12~#13~#14~#15~#16~#17~#18~#19~#20~#21~#22~#23~#24~#25~#26~#27~#28~#29~#30~#31~#32~#33~#34~#35~#36~#37~#38~#39~#40~#41~#42~#43~#44~#45~#46~#47~#48~#49~#50~#51~#52~#53~#54~#55~#56~#57~#58~#59~#60~#61~#62~#63~#64~#65~#66~#67~#68~#69~#70~#71~#72~#73~#74~#75~#76~#77~#78~#79~#80~#81~#82~#83~#84~#85~#86~#87~#88~#89~#90~#91~#92~#93~#94~#95~#96~#97~#98~#99~#100~#101~#102~#103~#104~#105~#106~#107~#108~#109~#110~#111~#112~#113~#114~#115~#116~#117~#118~#119~#120~#121~#122~#123~#124~#125~#126~#127~#128~#129~#130~#131~#132~#133~#134~#135~#136~#137~#138~#139~#140~#141~#142~#143~

type = string-attribute
name = BRICK_KEYWORDS
count = 144
'~~~~~~~~~~~~~~~~~~~~~~~~~~~~~~~~~~~~~~~~~~~~~~~~~~~~~~~~~~~~~~~~~~~~~~~~~~~~~~~~~~~~~~~~~~~~~~~~~~~~~~~~~~~~~~~~~~~~~~~~~~~~~~~~~~~~~~~~~~~~~~~~
