
type = string-attribute
name = HISTORY_NOTE
count = 165
'[glerma@vistalab-compute-1: Wed May 23 15:53:04 2018] 3dcopy /home/glerma/PROJECTS/PRF/AFNI/DATA/Wang_cube.nii.gz /home/glerma/PROJECTS/PRF/AFNI/DATA/Wang_cube+orig~

type = string-attribute
name = TYPESTRING
count = 15
'3DIM_HEAD_ANAT~

type = string-attribute
name = IDCODE_STRING
count = 27
'XYZ_SB3nwFNRMQ8GLWEd2cVVwA~

type = string-attribute
name = IDCODE_DATE
count = 25
'Wed May 23 15:53:04 2018~

type = integer-attribute
name = SCENE_DATA
count = 8
 0 2 0 -999 -999
 -999 -999 -999

type = string-attribute
name = LABEL_1
count = 5
'zyxt~

type = string-attribute
name = LABEL_2
count = 5
'zyxt~

type = string-attribute
name = DATASET_NAME
count = 5
'zyxt~

type = integer-attribute
name = ORIENT_SPECIFIC
count = 3
 1 2 4

type  = float-attribute
name  = ORIGIN
count = 3
             -1             -1              1

type  = float-attribute
name  = DELTA
count = 3
             -1             -1              1

type  = float-attribute
name  = IJK_TO_DICOM
count = 12
             -1              0              0             -1              0
             -1              0             -1              0              0
              1              1

type  = float-attribute
name  = IJK_TO_DICOM_REAL
count = 12
             -1              0              0             -1              0
             -1              0             -1              0              0
              1              1

type  = float-attribute
name  = BRICK_STATS
count = 288
      -4.195307      0.7625973      -2.143967      0.7942252      -3.730982
      0.5655897      -2.450096      0.6413023       -1.71203       1.256285
      -1.596045       1.567601      -3.139858       1.907337      -1.532236
        2.93851     -0.5446557       3.615221     -0.8838258       4.177623
      -1.333572       4.111684     -0.8472799       3.602033     -0.8586137
       2.704147       -1.99284      0.8801453      -3.187501       0.937691
     -0.9217117        1.16189      -1.295173       1.302358      -1.575827
       0.321999      -1.826053       1.753462      -2.401108      0.6984227
        -1.4537      0.7267466     -0.9393603        2.58186      -1.123585
       1.186373      -1.836159       1.147339       -2.95281       1.288161
      -4.172441        1.16609      -2.679312       1.991645      -1.730148
       2.652193     -0.3831645       4.994222     -0.5207112       3.860194
      -0.912354        4.97359      -1.270993       2.910313      -2.336655
       1.489506      -1.491877      0.4116235      -1.900426      0.1810734
      -2.102775      0.3921009       -2.45851      0.8571554      -2.662445
      0.8077677      -2.128362      0.5057619      -2.481867      0.7798984
       -2.58198      0.5010535      -2.451082      0.7356554      -1.042226
       2.403962     -0.9777187       3.081491     -0.5940776        3.34651
     -0.4201261       2.743076     -0.9179487       2.670463     -0.9978926
       2.008889      -1.192762       2.334942     -0.5742361       1.963596
     -0.8813524       1.433229      -2.011275      0.2188021      -1.340885
       1.045244      -1.598745       1.387407      -1.673644       2.237738
      -3.389596        2.39564      -1.870954       2.196976     -0.8614988
       3.024234      -1.349214       3.104044      -0.995708       4.128674
      -1.031692       3.550318      -1.048649       2.796598     -0.8273569
       2.801056      -1.500498      0.6356785      -2.170232    -0.09538952
      -2.458397     -0.1051398      -3.364877      0.1640711      -2.459857
     0.07593681      -2.412566       1.235913      -1.211146       1.084347
      -0.970224       1.026215      -1.907485      0.2664972      -1.771002
      0.7033004     -0.9844505      0.9266471       -1.04644       0.517831
     -0.9969224       1.291919       -1.57343       1.563694     -0.7686626
       1.486624     -0.6918123       2.727957     -0.6893409       1.926312
     -0.1759782       2.561396     -0.1522492       4.275898     -0.4847519
       5.233391     -0.3748254       4.908664      -1.082875        2.14177
      -2.079703      0.9502457      -2.661323       1.374284      -1.518464
      0.8877352      -1.490246       1.188568      -1.631981       1.112488
      -2.693157      0.9753067      -5.235311      0.1399116      -3.429967
    0.009550765       -2.72539   -0.002175122       -3.41464      0.3702443
      -3.612542     0.03327866      -1.988052      0.5379148      -1.448205
       2.101003      0.1991061       4.363541    0.003797516       3.965747
     -0.2078995       4.211477     -0.2876013       3.952547     -0.4782067
       2.594886     -0.8594648       2.231936      -1.126671      0.5276606
      -1.728664      0.7829242      -2.242937      0.5747598      -1.316631
       1.049477      -1.662343      0.2787876       -1.70849      0.3371469
       -2.31275       2.197338      -2.420877       2.263932      -1.592545
        1.66723      -1.151329       2.573279      -1.016266       3.388501
      -1.697582       1.472355      -1.124792       2.034022     -0.8199913
       2.120968      -1.461982        1.66368      -1.144282        1.94421
     -0.9758593      0.7800946      -1.444171      0.2805811     -0.9177994
       1.536901      -1.118408       2.107671      -1.038351       2.590297
      -1.717401       4.717391     -0.6343637       3.931456     -0.5013789
         3.9025      -1.268563       3.854617       -2.12821       3.344615
      -2.045403       2.481995      -1.526311       1.766482      -1.105438
       1.657209      -1.280478       1.438653      -1.774175      0.7232038
      -2.539614      0.2828855      -2.616079     -0.0560713      -4.669381
      0.3959885      -3.732356      0.8266852      -2.624645      0.7037917
       -1.94937       1.073382      -1.799534      0.8294594     -0.4615841
       2.151377     -0.7216187       2.270976

type = integer-attribute
name = TAXIS_NUMS
count = 8
 144 0 77002 -999 -999
 -999 -999 -999

type  = float-attribute
name  = TAXIS_FLOATS
count = 8
              0              1              0              0              0
        -999999        -999999        -999999

type = integer-attribute
name = DATASET_RANK
count = 8
 3 144 0 0 0
 0 0 0

type = integer-attribute
name = DATASET_DIMENSIONS
count = 5
 10 10 5 0 0

type = integer-attribute
name = BRICK_TYPES
count = 144
 3 3 3 3 3
 3 3 3 3 3
 3 3 3 3 3
 3 3 3 3 3
 3 3 3 3 3
 3 3 3 3 3
 3 3 3 3 3
 3 3 3 3 3
 3 3 3 3 3
 3 3 3 3 3
 3 3 3 3 3
 3 3 3 3 3
 3 3 3 3 3
 3 3 3 3 3
 3 3 3 3 3
 3 3 3 3 3
 3 3 3 3 3
 3 3 3 3 3
 3 3 3 3 3
 3 3 3 3 3
 3 3 3 3 3
 3 3 3 3 3
 3 3 3 3 3
 3 3 3 3 3
 3 3 3 3 3
 3 3 3 3 3
 3 3 3 3 3
 3 3 3 3 3
 3 3 3 3

type  = float-attribute
name  = BRICK_FLOAT_FACS
count = 144
              0              0              0              0              0
              0              0              0              0              0
              0              0              0              0              0
              0              0              0              0              0
              0              0              0              0              0
              0              0              0              0              0
              0              0              0              0              0
              0              0              0              0              0
              0              0              0              0              0
              0              0              0              0              0
              0              0              0              0              0
              0              0              0              0              0
              0              0              0              0              0
              0              0              0              0              0
              0              0              0              0              0
              0              0              0              0              0
              0              0              0              0              0
              0              0              0              0              0
              0              0              0              0              0
              0              0              0              0              0
              0              0              0              0              0
              0              0              0              0              0
              0              0              0              0              0
              0              0              0              0              0
              0              0              0              0              0
              0              0              0              0              0
              0              0              0              0              0
              0              0              0              0              0
              0              0              0              0

type = string-attribute
name = TEMPLATE_SPACE
count = 5
'TLRC~

type = integer-attribute
name = INT_CMAP
count = 1
 0

type = string-attribute
name = BYTEORDER_STRING
count = 10
'LSB_FIRST~
